{
  "aor": 0.0102863687150838,
  "aqi": 0.024166786368715085,
  "bids_meta": {
    "AccelFactPE": 4,
    "AcquisitionNumber": 1,
    "AcquisitionTime": "11:39:8.595000",
    "BandwidthPerPixelPhaseEncode": 14.881,
    "BodyPartExamined": "HEAD",
    "ConversionSoftware": "dcm2niix",
    "ConversionSoftwareVersion": "v1.0.20170724 GCC4.4.7",
    "DeviceSerialNumber": "45031",
    "EchoTime": 0.033,
    "EchoTrainLength": 84,
    "EffectiveEchoSpacing": 0.000699998,
    "FlipAngle": 80,
    "ImageType": [
      "ORIGINAL",
      "PRIMARY",
      "M",
      "ND",
      "MOSAIC"
    ],
    "InstitutionAddress": "Washington_and_Faculty_Rd._-_Building_25_25_Princeton_NJ_US_085",
    "InstitutionName": "Princeton_University_-_Neuroscience_Institute",
    "MagneticFieldStrength": 3,
    "Manufacturer": "Siemens",
    "ManufacturersModelName": "Skyra",
    "PhaseEncodingDirection": "j-",
    "PhaseEncodingLines": 96,
    "ProcedureStepDescription": "NormanLab_Chris",
    "ProtocolName": "EPI_2mm_1.5TR_SMS4_PPF78_Siemens",
    "RepetitionTime": 1.5,
    "ScanningSequence": "EP",
    "SequenceName": "_epfid2d1_96",
    "SequenceVariant": "SK",
    "SeriesDescription": "EPI_2mm_1.5TR_SMS4_PPF78_Siemens",
    "SliceTiming": [
      0.69,
      0,
      0.7875,
      0.0975,
      0.8875,
      0.1975,
      0.985,
      0.295,
      1.085,
      0.3925,
      1.1825,
      0.4925,
      1.2825,
      0.59,
      1.38,
      0.69,
      0,
      0.7875,
      0.0975,
      0.8875,
      0.1975,
      0.985,
      0.295,
      1.085,
      0.3925,
      1.1825,
      0.4925,
      1.2825,
      0.59,
      1.38,
      0.69,
      0,
      0.7875,
      0.0975,
      0.8875,
      0.1975,
      0.985,
      0.295,
      1.085,
      0.3925,
      1.1825,
      0.4925,
      1.2825,
      0.59,
      1.38,
      0.69,
      0,
      0.7875,
      0.0975,
      0.8875,
      0.1975,
      0.985,
      0.295,
      1.085,
      0.3925,
      1.1825,
      0.4925,
      1.2825,
      0.59,
      1.38
    ],
    "SoftwareVersions": "syngo_MR_E11",
    "TotalReadoutTime": 0.0559998,
    "TrueEchoSpacing": 0.00279999,
    "dataset": "ds001379",
    "modality": "bold",
    "run_id": 2,
    "session_id": "01",
    "subject_id": "01",
    "task_id": "forget"
  },
  "dummy_trs": 0,
  "dvars_nstd": 98.25216901971903,
  "dvars_std": 1.2585671411797745,
  "dvars_vstd": 1.0772317862921348,
  "efc": 0.6433840565971047,
  "fber": 203.46669006347656,
  "fd_mean": 0.5271877938166927,
  "fd_num": 157,
  "fd_perc": 87.70949720670392,
  "fwhm_avg": 3.146810063904925,
  "fwhm_x": 2.82042,
  "fwhm_y": 3.40357,
  "fwhm_z": 3.216440191714775,
  "gcor": 0.0617263,
  "gsr_x": -0.02795945666730404,
  "gsr_y": 0.14181499183177948,
  "provenance": {
    "md5sum": "a227cad385a5af953f1e0111e5cd489b",
    "settings": {
      "fd_thres": 0.2,
      "testing": false
    },
    "software": "mriqc",
    "version": "23.0.1",
    "webapi_port": null,
    "webapi_url": "https://mriqc.nimh.nih.gov/api/v1"
  },
  "size_t": 179,
  "size_x": 96,
  "size_y": 96,
  "size_z": 60,
  "snr": 2.0801340735138245,
  "spacing_tr": 1.5,
  "spacing_x": 2.0,
  "spacing_y": 2.0,
  "spacing_z": 1.9999998807907104,
  "summary_bg_k": 16.09990753502893,
  "summary_bg_mad": 20.49138616365096,
  "summary_bg_mean": 110.2992172241211,
  "summary_bg_median": 41.89944076538086,
  "summary_bg_n": 285665.0,
  "summary_bg_p05": 24.776535034179688,
  "summary_bg_p95": 474.81340332031203,
  "summary_bg_stdv": 170.8012237548828,
  "summary_fg_k": 1.519884166537901,
  "summary_fg_mad": 264.01911368317593,
  "summary_fg_mean": 693.9525756835938,
  "summary_fg_median": 635.6871337890625,
  "summary_fg_n": 167853.0,
  "summary_fg_p05": 303.44581298828126,
  "summary_fg_p95": 1271.2915527343748,
  "summary_fg_stdv": 305.59820556640625,
  "tsnr": 19.086184899730142
}