{
  "aor": 0.00617764367816092,
  "aqi": 0.017404671896551725,
  "bids_meta": {
    "AccelFactPE": 4,
    "AcquisitionNumber": 1,
    "AcquisitionTime": "10:24:40.897500",
    "BandwidthPerPixelPhaseEncode": 14.881,
    "BodyPartExamined": "HEAD",
    "ConversionSoftware": "dcm2niix",
    "ConversionSoftwareVersion": "v1.0.20170724 GCC4.4.7",
    "DeviceSerialNumber": "45031",
    "EchoTime": 0.033,
    "EchoTrainLength": 84,
    "EffectiveEchoSpacing": 0.000699998,
    "FlipAngle": 80,
    "ImageType": [
      "ORIGINAL",
      "PRIMARY",
      "M",
      "ND",
      "MOSAIC"
    ],
    "InstitutionAddress": "Washington_and_Faculty_Rd._-_Building_25_25_Princeton_NJ_US_085",
    "InstitutionName": "Princeton_University_-_Neuroscience_Institute",
    "MagneticFieldStrength": 3,
    "Manufacturer": "Siemens",
    "ManufacturersModelName": "Skyra",
    "PhaseEncodingDirection": "j-",
    "PhaseEncodingLines": 96,
    "ProcedureStepDescription": "NormanLab_Chris",
    "ProtocolName": "EPI_2mm_1.5TR_SMS4_PPF78_Siemens",
    "RepetitionTime": 1.5,
    "ScanningSequence": "EP",
    "SequenceName": "_epfid2d1_96",
    "SequenceVariant": "SK",
    "SeriesDescription": "EPI_2mm_1.5TR_SMS4_PPF78_Siemens",
    "SliceTiming": [
      0.69,
      0,
      0.7875,
      0.0975,
      0.8875,
      0.1975,
      0.985,
      0.295,
      1.085,
      0.3925,
      1.1825,
      0.4925,
      1.2825,
      0.59,
      1.38,
      0.69,
      0,
      0.7875,
      0.0975,
      0.8875,
      0.1975,
      0.985,
      0.295,
      1.085,
      0.3925,
      1.1825,
      0.4925,
      1.2825,
      0.59,
      1.38,
      0.69,
      0,
      0.7875,
      0.0975,
      0.8875,
      0.1975,
      0.985,
      0.295,
      1.085,
      0.3925,
      1.1825,
      0.4925,
      1.2825,
      0.59,
      1.38,
      0.69,
      0,
      0.7875,
      0.0975,
      0.8875,
      0.1975,
      0.985,
      0.295,
      1.085,
      0.3925,
      1.1825,
      0.4925,
      1.2825,
      0.59,
      1.38
    ],
    "SoftwareVersions": "syngo_MR_E11",
    "TotalReadoutTime": 0.0559998,
    "TrueEchoSpacing": 0.00279999,
    "dataset": "ds001379",
    "modality": "bold",
    "run_id": 1,
    "session_id": "01",
    "subject_id": "01",
    "task_id": "loci"
  },
  "dummy_trs": 0,
  "dvars_nstd": 81.86196581901731,
  "dvars_std": 1.2662779828901733,
  "dvars_vstd": 1.0470052972254333,
  "efc": 0.6324418502203724,
  "fber": 210.00634765625,
  "fd_mean": 0.40223940268712516,
  "fd_num": 140,
  "fd_perc": 80.45977011494253,
  "fwhm_avg": 3.348928401124581,
  "fwhm_x": 3.019005,
  "fwhm_y": 3.615735,
  "fwhm_z": 3.4120452033737423,
  "gcor": 0.045584,
  "gsr_x": -0.03391989693045616,
  "gsr_y": 0.13826991617679596,
  "provenance": {
    "md5sum": "a1671f5eb3f6eee0b23c5bc453ef8d1c",
    "settings": {
      "fd_thres": 0.2,
      "testing": false
    },
    "software": "mriqc",
    "version": "23.0.1",
    "webapi_port": null,
    "webapi_url": "https://mriqc.nimh.nih.gov/api/v1"
  },
  "size_t": 174,
  "size_x": 96,
  "size_y": 96,
  "size_z": 60,
  "snr": 1.941698429139226,
  "spacing_tr": 1.5,
  "spacing_x": 2.0,
  "spacing_y": 2.0,
  "spacing_z": 1.9999998807907104,
  "summary_bg_k": 16.28728555087522,
  "summary_bg_mad": 22.912166492322182,
  "summary_bg_mean": 113.85031127929688,
  "summary_bg_median": 44.43678283691406,
  "summary_bg_n": 288487.0,
  "summary_bg_p05": 25.88505744934082,
  "summary_bg_p95": 474.4275787353517,
  "summary_bg_stdv": 171.2198944091797,
  "summary_fg_k": 1.7844573521578688,
  "summary_fg_mad": 296.78458651580655,
  "summary_fg_mean": 759.6052856445312,
  "summary_fg_median": 684.7413940429688,
  "summary_fg_n": 167221.0,
  "summary_fg_p05": 325.8563232421875,
  "summary_fg_p95": 1436.6954345703125,
  "summary_fg_stdv": 352.6496887207031,
  "tsnr": 24.569031272782013
}