{
  "aor": 0.009498211678832115,
  "aqi": 0.02099597193430657,
  "bids_meta": {
    "AccelFactPE": 4,
    "AcquisitionNumber": 1,
    "AcquisitionTime": "09:21:53.565000",
    "BandwidthPerPixelPhaseEncode": 14.881,
    "BodyPartExamined": "HEAD",
    "ConversionSoftware": "dcm2niix",
    "ConversionSoftwareVersion": "v1.0.20170724 GCC4.4.7",
    "DeviceSerialNumber": "45031",
    "EchoTime": 0.033,
    "EchoTrainLength": 84,
    "EffectiveEchoSpacing": 0.000699998,
    "FlipAngle": 80,
    "ImageType": [
      "ORIGINAL",
      "PRIMARY",
      "M",
      "ND",
      "MOSAIC"
    ],
    "InstitutionAddress": "Washington_and_Faculty_Rd._-_Building_25_25_Princeton_NJ_US_085",
    "InstitutionName": "Princeton_University_-_Neuroscience_Institute",
    "MagneticFieldStrength": 3,
    "Manufacturer": "Siemens",
    "ManufacturersModelName": "Skyra",
    "PhaseEncodingDirection": "j-",
    "PhaseEncodingLines": 96,
    "ProcedureStepDescription": "NormanLab_Chris",
    "ProtocolName": "EPI_2mm_1.5TR_SMS4_PPF78_Siemens",
    "RepetitionTime": 1.5,
    "ScanningSequence": "EP",
    "SequenceName": "_epfid2d1_96",
    "SequenceVariant": "SK",
    "SeriesDescription": "EPI_2mm_1.5TR_SMS4_PPF78_Siemens",
    "SliceTiming": [
      0.69,
      0,
      0.79,
      0.0975,
      0.8875,
      0.1975,
      0.9875,
      0.295,
      1.085,
      0.395,
      1.185,
      0.4925,
      1.2825,
      0.5925,
      1.38,
      0.69,
      0,
      0.79,
      0.0975,
      0.8875,
      0.1975,
      0.9875,
      0.295,
      1.085,
      0.395,
      1.185,
      0.4925,
      1.2825,
      0.5925,
      1.38,
      0.69,
      0,
      0.79,
      0.0975,
      0.8875,
      0.1975,
      0.9875,
      0.295,
      1.085,
      0.395,
      1.185,
      0.4925,
      1.2825,
      0.5925,
      1.38,
      0.69,
      0,
      0.79,
      0.0975,
      0.8875,
      0.1975,
      0.9875,
      0.295,
      1.085,
      0.395,
      1.185,
      0.4925,
      1.2825,
      0.5925,
      1.38
    ],
    "SoftwareVersions": "syngo_MR_E11",
    "TotalReadoutTime": 0.0559998,
    "TrueEchoSpacing": 0.00279999,
    "dataset": "ds001379",
    "modality": "bold",
    "run_id": 2,
    "session_id": "03",
    "subject_id": "01",
    "task_id": "loci"
  },
  "dummy_trs": 0,
  "dvars_nstd": 101.34626016838833,
  "dvars_std": 1.2694414063003665,
  "dvars_vstd": 1.0636473637728936,
  "efc": 0.6385752958124274,
  "fber": 225.74810791015625,
  "fd_mean": 0.6846028323836051,
  "fd_num": 257,
  "fd_perc": 93.7956204379562,
  "fwhm_avg": 3.31806506631037,
  "fwhm_x": 2.950155,
  "fwhm_y": 3.66653,
  "fwhm_z": 3.33751019893111,
  "gcor": 0.0609143,
  "gsr_x": -0.021586397662758827,
  "gsr_y": 0.11394299566745758,
  "provenance": {
    "md5sum": "80d503cc2fd06e3b268d8beb4b32100a",
    "settings": {
      "fd_thres": 0.2,
      "testing": false
    },
    "software": "mriqc",
    "version": "23.0.1",
    "webapi_port": null,
    "webapi_url": "https://mriqc.nimh.nih.gov/api/v1"
  },
  "size_t": 274,
  "size_x": 96,
  "size_y": 96,
  "size_z": 60,
  "snr": 1.9997179919754753,
  "spacing_tr": 1.5,
  "spacing_x": 2.0,
  "spacing_y": 2.0,
  "spacing_z": 1.9999998807907104,
  "summary_bg_k": 11.106178653954357,
  "summary_bg_mad": 19.106089895956323,
  "summary_bg_mean": 92.98635864257812,
  "summary_bg_median": 40.06934356689453,
  "summary_bg_n": 279784.0,
  "summary_bg_p05": 24.23357582092285,
  "summary_bg_p95": 368.2375885009761,
  "summary_bg_stdv": 123.45503997802734,
  "summary_fg_k": 3.6078967699131184,
  "summary_fg_mad": 252.0477613520071,
  "summary_fg_mean": 697.3450317382812,
  "summary_fg_median": 638.3722534179688,
  "summary_fg_n": 174449.0,
  "summary_fg_p05": 308.12554931640625,
  "summary_fg_p95": 1306.6810058593755,
  "summary_fg_stdv": 319.230224609375,
  "tsnr": 19.29115724749863
}