{
  "aor": 0.0040170032573289905,
  "aqi": 0.01953626061889251,
  "bids_meta": {
    "AccelFactPE": 4,
    "AcquisitionNumber": 1,
    "AcquisitionTime": "09:42:17.967500",
    "BandwidthPerPixelPhaseEncode": 14.881,
    "BodyPartExamined": "HEAD",
    "ConversionSoftware": "dcm2niix",
    "ConversionSoftwareVersion": "v1.0.20170724 GCC4.4.7",
    "DeviceSerialNumber": "45031",
    "EchoTime": 0.033,
    "EchoTrainLength": 84,
    "EffectiveEchoSpacing": 0.000699998,
    "FlipAngle": 80,
    "ImageType": [
      "ORIGINAL",
      "PRIMARY",
      "M",
      "ND",
      "MOSAIC"
    ],
    "InstitutionAddress": "Washington_and_Faculty_Rd._-_Building_25_25_Princeton_NJ_US_085",
    "InstitutionName": "Princeton_University_-_Neuroscience_Institute",
    "MagneticFieldStrength": 3,
    "Manufacturer": "Siemens",
    "ManufacturersModelName": "Skyra",
    "PhaseEncodingDirection": "j-",
    "PhaseEncodingLines": 96,
    "ProcedureStepDescription": "NormanLab_Chris",
    "ProtocolName": "EPI_2mm_1.5TR_SMS4_PPF78_Siemens",
    "RepetitionTime": 1.5,
    "ScanningSequence": "EP",
    "SequenceName": "_epfid2d1_96",
    "SequenceVariant": "SK",
    "SeriesDescription": "EPI_2mm_1.5TR_SMS4_PPF78_Siemens",
    "SliceTiming": [
      0.69,
      0,
      0.79,
      0.0975,
      0.8875,
      0.1975,
      0.9875,
      0.295,
      1.085,
      0.395,
      1.185,
      0.4925,
      1.2825,
      0.5925,
      1.38,
      0.69,
      0,
      0.79,
      0.0975,
      0.8875,
      0.1975,
      0.9875,
      0.295,
      1.085,
      0.395,
      1.185,
      0.4925,
      1.2825,
      0.5925,
      1.38,
      0.69,
      0,
      0.79,
      0.0975,
      0.8875,
      0.1975,
      0.9875,
      0.295,
      1.085,
      0.395,
      1.185,
      0.4925,
      1.2825,
      0.5925,
      1.38,
      0.69,
      0,
      0.79,
      0.0975,
      0.8875,
      0.1975,
      0.9875,
      0.295,
      1.085,
      0.395,
      1.185,
      0.4925,
      1.2825,
      0.5925,
      1.38
    ],
    "SoftwareVersions": "syngo_MR_E11",
    "TotalReadoutTime": 0.0559998,
    "TrueEchoSpacing": 0.00279999,
    "dataset": "ds001379",
    "modality": "bold",
    "run_id": 1,
    "session_id": "03",
    "subject_id": "01",
    "task_id": "recall"
  },
  "dummy_trs": 0,
  "dvars_nstd": 86.64304860450981,
  "dvars_std": 1.2106338211111112,
  "dvars_vstd": 1.0093626857843143,
  "efc": 0.6432863290629571,
  "fber": 209.62864685058594,
  "fd_mean": 0.5016279718640306,
  "fd_num": 274,
  "fd_perc": 89.25081433224756,
  "fwhm_avg": 3.2866983990587832,
  "fwhm_x": 2.924895,
  "fwhm_y": 3.62713,
  "fwhm_z": 3.308070197176349,
  "gcor": 0.0382754,
  "gsr_x": -0.02097316086292267,
  "gsr_y": 0.10499249398708344,
  "provenance": {
    "md5sum": "badc14ad18dff080bea1a9d90bf89ccf",
    "settings": {
      "fd_thres": 0.2,
      "testing": false
    },
    "software": "mriqc",
    "version": "23.0.1",
    "webapi_port": null,
    "webapi_url": "https://mriqc.nimh.nih.gov/api/v1"
  },
  "size_t": 307,
  "size_x": 96,
  "size_y": 96,
  "size_z": 60,
  "snr": 1.9695207448485244,
  "spacing_tr": 1.5,
  "spacing_x": 2.0,
  "spacing_y": 2.0,
  "spacing_z": 1.9999998807907104,
  "summary_bg_k": 10.540104457622013,
  "summary_bg_mad": 19.751931633470512,
  "summary_bg_mean": 95.98489379882812,
  "summary_bg_median": 41.25407028198242,
  "summary_bg_n": 274213.0,
  "summary_bg_p05": 24.71009635925293,
  "summary_bg_p95": 383.95438232421856,
  "summary_bg_stdv": 129.33193969726562,
  "summary_fg_k": 3.503571262226963,
  "summary_fg_mad": 255.89131530280764,
  "summary_fg_mean": 698.4825439453125,
  "summary_fg_median": 638.8989868164062,
  "summary_fg_n": 177869.0,
  "summary_fg_p05": 301.4638305664063,
  "summary_fg_p95": 1318.9067626953129,
  "summary_fg_stdv": 324.3922119140625,
  "tsnr": 22.487742091412656
}