{
  "aor": 0.004326352459016394,
  "aqi": 0.018818439631147543,
  "bids_meta": {
    "AccelFactPE": 4,
    "AcquisitionNumber": 1,
    "AcquisitionTime": "10:25:44.012500",
    "BandwidthPerPixelPhaseEncode": 14.881,
    "BodyPartExamined": "HEAD",
    "ConversionSoftware": "dcm2niix",
    "ConversionSoftwareVersion": "v1.0.20170724 GCC4.4.7",
    "DeviceSerialNumber": "45031",
    "EchoTime": 0.033,
    "EchoTrainLength": 84,
    "EffectiveEchoSpacing": 0.000699998,
    "FlipAngle": 80,
    "ImageType": [
      "ORIGINAL",
      "PRIMARY",
      "M",
      "ND",
      "MOSAIC"
    ],
    "InstitutionAddress": "Washington_and_Faculty_Rd._-_Building_25_25_Princeton_NJ_US_085",
    "InstitutionName": "Princeton_University_-_Neuroscience_Institute",
    "MagneticFieldStrength": 3,
    "Manufacturer": "Siemens",
    "ManufacturersModelName": "Skyra",
    "PhaseEncodingDirection": "j-",
    "PhaseEncodingLines": 96,
    "ProcedureStepDescription": "NormanLab_Chris",
    "ProtocolName": "EPI_2mm_1.5TR_SMS4_PPF78_Siemens",
    "RepetitionTime": 1.5,
    "ScanningSequence": "EP",
    "SequenceName": "_epfid2d1_96",
    "SequenceVariant": "SK",
    "SeriesDescription": "EPI_2mm_1.5TR_SMS4_PPF78_Siemens",
    "SliceTiming": [
      0.69,
      0,
      0.7875,
      0.0975,
      0.8875,
      0.1975,
      0.985,
      0.295,
      1.085,
      0.3925,
      1.1825,
      0.4925,
      1.2825,
      0.59,
      1.38,
      0.69,
      0,
      0.7875,
      0.0975,
      0.8875,
      0.1975,
      0.985,
      0.295,
      1.085,
      0.3925,
      1.1825,
      0.4925,
      1.2825,
      0.59,
      1.38,
      0.69,
      0,
      0.7875,
      0.0975,
      0.8875,
      0.1975,
      0.985,
      0.295,
      1.085,
      0.3925,
      1.1825,
      0.4925,
      1.2825,
      0.59,
      1.38,
      0.69,
      0,
      0.7875,
      0.0975,
      0.8875,
      0.1975,
      0.985,
      0.295,
      1.085,
      0.3925,
      1.1825,
      0.4925,
      1.2825,
      0.59,
      1.38
    ],
    "SoftwareVersions": "syngo_MR_E11",
    "TotalReadoutTime": 0.0559998,
    "TrueEchoSpacing": 0.00279999,
    "dataset": "ds001379",
    "modality": "bold",
    "run_id": 4,
    "session_id": "03",
    "subject_id": "01",
    "task_id": "recall"
  },
  "dummy_trs": 0,
  "dvars_nstd": 93.10123058975311,
  "dvars_std": 1.2720609323045282,
  "dvars_vstd": 1.0338616888477368,
  "efc": 0.6491870758618133,
  "fber": 193.3087921142578,
  "fd_mean": 0.5759866323154621,
  "fd_num": 213,
  "fd_perc": 87.29508196721312,
  "fwhm_avg": 3.2523950645337543,
  "fwhm_x": 2.89091,
  "fwhm_y": 3.618185,
  "fwhm_z": 3.248090193601262,
  "gcor": 0.0379735,
  "gsr_x": -0.02391030266880989,
  "gsr_y": 0.10933264344930649,
  "provenance": {
    "md5sum": "68edc11da1a21786b764f7f46da5f462",
    "settings": {
      "fd_thres": 0.2,
      "testing": false
    },
    "software": "mriqc",
    "version": "23.0.1",
    "webapi_port": null,
    "webapi_url": "https://mriqc.nimh.nih.gov/api/v1"
  },
  "size_t": 244,
  "size_x": 96,
  "size_y": 96,
  "size_z": 60,
  "snr": 1.9753421121014083,
  "spacing_tr": 1.5,
  "spacing_x": 2.0,
  "spacing_y": 2.0,
  "spacing_z": 1.9999998807907104,
  "summary_bg_k": 10.631590175876216,
  "summary_bg_mad": 19.699164151862476,
  "summary_bg_mean": 102.04995727539062,
  "summary_bg_median": 42.31557083129883,
  "summary_bg_n": 272989.0,
  "summary_bg_p05": 25.885244369506836,
  "summary_bg_p95": 419.3852233886719,
  "summary_bg_stdv": 139.79286193847656,
  "summary_fg_k": 3.5716291093753947,
  "summary_fg_mad": 251.08235963276104,
  "summary_fg_mean": 687.5130004882812,
  "summary_fg_median": 629.8401489257812,
  "summary_fg_n": 178741.0,
  "summary_fg_p05": 296.5655517578125,
  "summary_fg_p95": 1295.0408935546875,
  "summary_fg_stdv": 318.85028076171875,
  "tsnr": 23.002733044791967
}