{
  "aor": 0.0026061021505376343,
  "aqi": 0.01894108572580645,
  "bids_meta": {
    "AccelFactPE": 4,
    "AcquisitionNumber": 1,
    "AcquisitionTime": "10:07:12.250000",
    "BandwidthPerPixelPhaseEncode": 14.881,
    "BodyPartExamined": "HEAD",
    "ConversionSoftware": "dcm2niix",
    "ConversionSoftwareVersion": "v1.0.20170724 GCC4.4.7",
    "DeviceSerialNumber": "45031",
    "EchoTime": 0.033,
    "EchoTrainLength": 84,
    "EffectiveEchoSpacing": 0.000699998,
    "FlipAngle": 80,
    "ImageType": [
      "ORIGINAL",
      "PRIMARY",
      "M",
      "ND",
      "MOSAIC"
    ],
    "InstitutionAddress": "Washington_and_Faculty_Rd._-_Building_25_25_Princeton_NJ_US_085",
    "InstitutionName": "Princeton_University_-_Neuroscience_Institute",
    "MagneticFieldStrength": 3,
    "Manufacturer": "Siemens",
    "ManufacturersModelName": "Skyra",
    "PhaseEncodingDirection": "j-",
    "PhaseEncodingLines": 96,
    "ProcedureStepDescription": "NormanLab_Chris",
    "ProtocolName": "EPI_2mm_1.5TR_SMS4_PPF78_Siemens",
    "RepetitionTime": 1.5,
    "ScanningSequence": "EP",
    "SequenceName": "_epfid2d1_96",
    "SequenceVariant": "SK",
    "SeriesDescription": "EPI_2mm_1.5TR_SMS4_PPF78_Siemens",
    "SliceTiming": [
      0.69,
      0,
      0.79,
      0.0975,
      0.8875,
      0.1975,
      0.9875,
      0.295,
      1.085,
      0.395,
      1.185,
      0.4925,
      1.2825,
      0.5925,
      1.38,
      0.69,
      0,
      0.79,
      0.0975,
      0.8875,
      0.1975,
      0.9875,
      0.295,
      1.085,
      0.395,
      1.185,
      0.4925,
      1.2825,
      0.5925,
      1.38,
      0.69,
      0,
      0.79,
      0.0975,
      0.8875,
      0.1975,
      0.9875,
      0.295,
      1.085,
      0.395,
      1.185,
      0.4925,
      1.2825,
      0.5925,
      1.38,
      0.69,
      0,
      0.79,
      0.0975,
      0.8875,
      0.1975,
      0.9875,
      0.295,
      1.085,
      0.395,
      1.185,
      0.4925,
      1.2825,
      0.5925,
      1.38
    ],
    "SoftwareVersions": "syngo_MR_E11",
    "TotalReadoutTime": 0.0559998,
    "TrueEchoSpacing": 0.00279999,
    "dataset": "ds001379",
    "modality": "bold",
    "run_id": 2,
    "session_id": "03",
    "subject_id": "01",
    "task_id": "encode"
  },
  "dummy_trs": 0,
  "dvars_nstd": 83.83125247563339,
  "dvars_std": 1.2325905750134765,
  "dvars_vstd": 1.0100949309433953,
  "efc": 0.6458882750013354,
  "fber": 204.3839111328125,
  "fd_mean": 0.5236531651732548,
  "fd_num": 323,
  "fd_perc": 86.82795698924731,
  "fwhm_avg": 3.2349817312168123,
  "fwhm_x": 2.884065,
  "fwhm_y": 3.571965,
  "fwhm_z": 3.2489151936504364,
  "gcor": 0.035019,
  "gsr_x": -0.017228515818715096,
  "gsr_y": 0.10568669438362122,
  "provenance": {
    "md5sum": "f36e08ee582825df124d8eea86c2095b",
    "settings": {
      "fd_thres": 0.2,
      "testing": false
    },
    "software": "mriqc",
    "version": "23.0.1",
    "webapi_port": null,
    "webapi_url": "https://mriqc.nimh.nih.gov/api/v1"
  },
  "size_t": 372,
  "size_x": 96,
  "size_y": 96,
  "size_z": 60,
  "snr": 1.974826903707389,
  "spacing_tr": 1.5,
  "spacing_x": 2.0,
  "spacing_y": 2.0,
  "spacing_z": 1.9999998807907104,
  "summary_bg_k": 10.490929516038717,
  "summary_bg_mad": 20.95969332116332,
  "summary_bg_mean": 98.93770599365234,
  "summary_bg_median": 41.744625091552734,
  "summary_bg_n": 273498.0,
  "summary_bg_p05": 24.233871459960938,
  "summary_bg_p95": 401.91168823242185,
  "summary_bg_stdv": 135.23046875,
  "summary_fg_k": 3.53142340967902,
  "summary_fg_mad": 251.73945899858614,
  "summary_fg_mean": 690.6209106445312,
  "summary_fg_median": 632.470458984375,
  "summary_fg_n": 178812.0,
  "summary_fg_p05": 296.1555114746094,
  "summary_fg_p95": 1300.4681762695309,
  "summary_fg_stdv": 320.265380859375,
  "tsnr": 23.862478349357843
}