{
  "aor": 0.004961946902654867,
  "aqi": 0.019439822035398232,
  "bids_meta": {
    "AccelFactPE": 4,
    "AcquisitionNumber": 1,
    "AcquisitionTime": "10:32:33.785000",
    "BandwidthPerPixelPhaseEncode": 14.881,
    "BodyPartExamined": "HEAD",
    "ConversionSoftware": "dcm2niix",
    "ConversionSoftwareVersion": "v1.0.20170724 GCC4.4.7",
    "DeviceSerialNumber": "45031",
    "EchoTime": 0.033,
    "EchoTrainLength": 84,
    "EffectiveEchoSpacing": 0.000699998,
    "FlipAngle": 80,
    "ImageType": [
      "ORIGINAL",
      "PRIMARY",
      "M",
      "ND",
      "MOSAIC"
    ],
    "InstitutionAddress": "Washington_and_Faculty_Rd._-_Building_25_25_Princeton_NJ_US_085",
    "InstitutionName": "Princeton_University_-_Neuroscience_Institute",
    "MagneticFieldStrength": 3,
    "Manufacturer": "Siemens",
    "ManufacturersModelName": "Skyra",
    "PhaseEncodingDirection": "j-",
    "PhaseEncodingLines": 96,
    "ProcedureStepDescription": "NormanLab_Chris",
    "ProtocolName": "EPI_2mm_1.5TR_SMS4_PPF78_Siemens",
    "RepetitionTime": 1.5,
    "ScanningSequence": "EP",
    "SequenceName": "_epfid2d1_96",
    "SequenceVariant": "SK",
    "SeriesDescription": "EPI_2mm_1.5TR_SMS4_PPF78_Siemens",
    "SliceTiming": [
      0.69,
      0,
      0.79,
      0.0975,
      0.8875,
      0.1975,
      0.985,
      0.295,
      1.085,
      0.395,
      1.1825,
      0.4925,
      1.2825,
      0.5925,
      1.38,
      0.69,
      0,
      0.79,
      0.0975,
      0.8875,
      0.1975,
      0.985,
      0.295,
      1.085,
      0.395,
      1.1825,
      0.4925,
      1.2825,
      0.5925,
      1.38,
      0.69,
      0,
      0.79,
      0.0975,
      0.8875,
      0.1975,
      0.985,
      0.295,
      1.085,
      0.395,
      1.1825,
      0.4925,
      1.2825,
      0.5925,
      1.38,
      0.69,
      0,
      0.79,
      0.0975,
      0.8875,
      0.1975,
      0.985,
      0.295,
      1.085,
      0.395,
      1.1825,
      0.4925,
      1.2825,
      0.5925,
      1.38
    ],
    "SoftwareVersions": "syngo_MR_E11",
    "TotalReadoutTime": 0.0559998,
    "TrueEchoSpacing": 0.00279999,
    "dataset": "ds001379",
    "modality": "bold",
    "run_id": 2,
    "session_id": "03",
    "subject_id": "01",
    "task_id": "forget"
  },
  "dummy_trs": 0,
  "dvars_nstd": 93.3035618587111,
  "dvars_std": 1.2876507075111108,
  "dvars_vstd": 1.0551543102666667,
  "efc": 0.6491909492092034,
  "fber": 191.295654296875,
  "fd_mean": 0.5608959261586776,
  "fd_num": 204,
  "fd_perc": 90.26548672566372,
  "fwhm_avg": 3.276020065329178,
  "fwhm_x": 2.904505,
  "fwhm_y": 3.63543,
  "fwhm_z": 3.288125195987534,
  "gcor": 0.0343203,
  "gsr_x": -0.022632304579019547,
  "gsr_y": 0.11052554100751877,
  "provenance": {
    "md5sum": "2ea87de3b9d7b3a08d2ff94e74826507",
    "settings": {
      "fd_thres": 0.2,
      "testing": false
    },
    "software": "mriqc",
    "version": "23.0.1",
    "webapi_port": null,
    "webapi_url": "https://mriqc.nimh.nih.gov/api/v1"
  },
  "size_t": 226,
  "size_x": 96,
  "size_y": 96,
  "size_z": 60,
  "snr": 1.9630122695408379,
  "spacing_tr": 1.5,
  "spacing_x": 2.0,
  "spacing_y": 2.0,
  "spacing_z": 1.9999998807907104,
  "summary_bg_k": 10.308144928049323,
  "summary_bg_mad": 21.62237201395587,
  "summary_bg_mean": 102.12811279296875,
  "summary_bg_median": 42.535396575927734,
  "summary_bg_n": 273033.0,
  "summary_bg_p05": 24.137168884277344,
  "summary_bg_p95": 419.82653808593744,
  "summary_bg_stdv": 139.82655334472656,
  "summary_fg_k": 3.497044076185647,
  "summary_fg_mad": 251.77339307035982,
  "summary_fg_mean": 685.1468505859375,
  "summary_fg_median": 626.8583984375,
  "summary_fg_n": 179183.0,
  "summary_fg_p05": 292.01416015625006,
  "summary_fg_p95": 1292.7978027343747,
  "summary_fg_stdv": 319.33404541015625,
  "tsnr": 22.813773709349334
}