{
  "aor": 0.006168222996515679,
  "aqi": 0.020359283414634145,
  "bids_meta": {
    "AccelFactPE": 4,
    "AcquisitionNumber": 1,
    "AcquisitionTime": "09:50:40.135000",
    "BandwidthPerPixelPhaseEncode": 14.881,
    "BodyPartExamined": "HEAD",
    "ConversionSoftware": "dcm2niix",
    "ConversionSoftwareVersion": "v1.0.20170724 GCC4.4.7",
    "DeviceSerialNumber": "45031",
    "EchoTime": 0.033,
    "EchoTrainLength": 84,
    "EffectiveEchoSpacing": 0.000699998,
    "FlipAngle": 80,
    "ImageType": [
      "ORIGINAL",
      "PRIMARY",
      "M",
      "ND",
      "MOSAIC"
    ],
    "InstitutionAddress": "Washington_and_Faculty_Rd._-_Building_25_25_Princeton_NJ_US_085",
    "InstitutionName": "Princeton_University_-_Neuroscience_Institute",
    "MagneticFieldStrength": 3,
    "Manufacturer": "Siemens",
    "ManufacturersModelName": "Skyra",
    "PhaseEncodingDirection": "j-",
    "PhaseEncodingLines": 96,
    "ProcedureStepDescription": "NormanLab_Chris",
    "ProtocolName": "EPI_2mm_1.5TR_SMS4_PPF78_Siemens",
    "RepetitionTime": 1.5,
    "ScanningSequence": "EP",
    "SequenceName": "_epfid2d1_96",
    "SequenceVariant": "SK",
    "SeriesDescription": "EPI_2mm_1.5TR_SMS4_PPF78_Siemens",
    "SliceTiming": [
      0.69,
      0,
      0.79,
      0.0975,
      0.8875,
      0.1975,
      0.9875,
      0.295,
      1.085,
      0.395,
      1.185,
      0.4925,
      1.2825,
      0.5925,
      1.38,
      0.69,
      0,
      0.79,
      0.0975,
      0.8875,
      0.1975,
      0.9875,
      0.295,
      1.085,
      0.395,
      1.185,
      0.4925,
      1.2825,
      0.5925,
      1.38,
      0.69,
      0,
      0.79,
      0.0975,
      0.8875,
      0.1975,
      0.9875,
      0.295,
      1.085,
      0.395,
      1.185,
      0.4925,
      1.2825,
      0.5925,
      1.38,
      0.69,
      0,
      0.79,
      0.0975,
      0.8875,
      0.1975,
      0.9875,
      0.295,
      1.085,
      0.395,
      1.185,
      0.4925,
      1.2825,
      0.5925,
      1.38
    ],
    "SoftwareVersions": "syngo_MR_E11",
    "TotalReadoutTime": 0.0559998,
    "TrueEchoSpacing": 0.00279999,
    "dataset": "ds001379",
    "modality": "bold",
    "run_id": 2,
    "session_id": "03",
    "subject_id": "01",
    "task_id": "recall"
  },
  "dummy_trs": 0,
  "dvars_nstd": 97.62597354797202,
  "dvars_std": 1.2547444149300697,
  "dvars_vstd": 1.041926031573427,
  "efc": 0.6456415229092728,
  "fber": 204.92701721191406,
  "fd_mean": 0.5828258212815071,
  "fd_num": 255,
  "fd_perc": 88.85017421602788,
  "fwhm_avg": 3.2696100653634503,
  "fwhm_x": 2.90493,
  "fwhm_y": 3.61405,
  "fwhm_z": 3.2898501960903523,
  "gcor": 0.0467031,
  "gsr_x": -0.02075904607772827,
  "gsr_y": 0.10575234889984131,
  "provenance": {
    "md5sum": "36d4469714ad2398fe851b034de27ad0",
    "settings": {
      "fd_thres": 0.2,
      "testing": false
    },
    "software": "mriqc",
    "version": "23.0.1",
    "webapi_port": null,
    "webapi_url": "https://mriqc.nimh.nih.gov/api/v1"
  },
  "size_t": 287,
  "size_x": 96,
  "size_y": 96,
  "size_z": 60,
  "snr": 1.9839601156576525,
  "spacing_tr": 1.5,
  "spacing_x": 2.0,
  "spacing_y": 2.0,
  "spacing_z": 1.9999998807907104,
  "summary_bg_k": 11.181742513403623,
  "summary_bg_mad": 18.855393457210486,
  "summary_bg_mean": 97.10971069335938,
  "summary_bg_median": 41.344947814941406,
  "summary_bg_n": 273843.0,
  "summary_bg_p05": 25.56446075439453,
  "summary_bg_p95": 391.7595794677732,
  "summary_bg_stdv": 132.16598510742188,
  "summary_fg_k": 3.485169944867037,
  "summary_fg_mad": 252.0733250194099,
  "summary_fg_mean": 692.88232421875,
  "summary_fg_median": 635.0278930664062,
  "summary_fg_n": 177954.0,
  "summary_fg_p05": 299.96377716064455,
  "summary_fg_p95": 1303.3611694335941,
  "summary_fg_stdv": 320.080078125,
  "tsnr": 20.593874495476484
}