{
  "aor": 0.007088744769874477,
  "aqi": 0.021898493305439328,
  "bids_meta": {
    "AccelFactPE": 4,
    "AcquisitionNumber": 1,
    "AcquisitionTime": "09:58:40.182500",
    "BandwidthPerPixelPhaseEncode": 14.881,
    "BodyPartExamined": "HEAD",
    "ConversionSoftware": "dcm2niix",
    "ConversionSoftwareVersion": "v1.0.20170724 GCC4.4.7",
    "DeviceSerialNumber": "45031",
    "EchoTime": 0.033,
    "EchoTrainLength": 84,
    "EffectiveEchoSpacing": 0.000699998,
    "FlipAngle": 80,
    "ImageType": [
      "ORIGINAL",
      "PRIMARY",
      "M",
      "ND",
      "MOSAIC"
    ],
    "InstitutionAddress": "Washington_and_Faculty_Rd._-_Building_25_25_Princeton_NJ_US_085",
    "InstitutionName": "Princeton_University_-_Neuroscience_Institute",
    "MagneticFieldStrength": 3,
    "Manufacturer": "Siemens",
    "ManufacturersModelName": "Skyra",
    "PhaseEncodingDirection": "j-",
    "PhaseEncodingLines": 96,
    "ProcedureStepDescription": "NormanLab_Chris",
    "ProtocolName": "EPI_2mm_1.5TR_SMS4_PPF78_Siemens",
    "RepetitionTime": 1.5,
    "ScanningSequence": "EP",
    "SequenceName": "_epfid2d1_96",
    "SequenceVariant": "SK",
    "SeriesDescription": "EPI_2mm_1.5TR_SMS4_PPF78_Siemens",
    "SliceTiming": [
      0.69,
      0,
      0.79,
      0.1,
      0.8875,
      0.1975,
      0.9875,
      0.2975,
      1.085,
      0.395,
      1.185,
      0.495,
      1.2825,
      0.5925,
      1.3825,
      0.69,
      0,
      0.79,
      0.1,
      0.8875,
      0.1975,
      0.9875,
      0.2975,
      1.085,
      0.395,
      1.185,
      0.495,
      1.2825,
      0.5925,
      1.3825,
      0.69,
      0,
      0.79,
      0.1,
      0.8875,
      0.1975,
      0.9875,
      0.2975,
      1.085,
      0.395,
      1.185,
      0.495,
      1.2825,
      0.5925,
      1.3825,
      0.69,
      0,
      0.79,
      0.1,
      0.8875,
      0.1975,
      0.9875,
      0.2975,
      1.085,
      0.395,
      1.185,
      0.495,
      1.2825,
      0.5925,
      1.3825
    ],
    "SoftwareVersions": "syngo_MR_E11",
    "TotalReadoutTime": 0.0559998,
    "TrueEchoSpacing": 0.00279999,
    "dataset": "ds001379",
    "modality": "bold",
    "run_id": 1,
    "session_id": "03",
    "subject_id": "01",
    "task_id": "forget"
  },
  "dummy_trs": 0,
  "dvars_nstd": 93.9082100011345,
  "dvars_std": 1.2233179881092435,
  "dvars_vstd": 1.019864137647059,
  "efc": 0.6464065586770965,
  "fber": 204.49166870117188,
  "fd_mean": 0.5912983717176398,
  "fd_num": 208,
  "fd_perc": 87.02928870292887,
  "fwhm_avg": 3.250486731548611,
  "fwhm_x": 2.89514,
  "fwhm_y": 3.590705,
  "fwhm_z": 3.2656151946458336,
  "gcor": 0.056673,
  "gsr_x": -0.0184008926153183,
  "gsr_y": 0.1068669855594635,
  "provenance": {
    "md5sum": "4fc5564d97fca7a06879009157bf06f6",
    "settings": {
      "fd_thres": 0.2,
      "testing": false
    },
    "software": "mriqc",
    "version": "23.0.1",
    "webapi_port": null,
    "webapi_url": "https://mriqc.nimh.nih.gov/api/v1"
  },
  "size_t": 239,
  "size_x": 96,
  "size_y": 96,
  "size_z": 60,
  "snr": 1.9928498498320886,
  "spacing_tr": 1.5,
  "spacing_x": 2.0,
  "spacing_y": 2.0,
  "spacing_z": 1.9999998807907104,
  "summary_bg_k": 10.350112021607341,
  "summary_bg_mad": 19.416510301023795,
  "summary_bg_mean": 97.87989807128906,
  "summary_bg_median": 41.288700103759766,
  "summary_bg_n": 274083.0,
  "summary_bg_p05": 25.050209045410156,
  "summary_bg_p95": 396.15732116699206,
  "summary_bg_stdv": 132.85580444335938,
  "summary_fg_k": 3.5047968603590087,
  "summary_fg_mad": 249.9518573429789,
  "summary_fg_mean": 688.7299194335938,
  "summary_fg_median": 630.9037475585938,
  "summary_fg_n": 177850.0,
  "summary_fg_p05": 299.1288635253906,
  "summary_fg_p95": 1292.3309265136718,
  "summary_fg_stdv": 316.5827941894531,
  "tsnr": 20.511233515455388
}