{
  "aor": 0.002959870967741935,
  "aqi": 0.01972924806451613,
  "bids_meta": {
    "AccelFactPE": 4,
    "AcquisitionNumber": 1,
    "AcquisitionTime": "10:17:12.067500",
    "BandwidthPerPixelPhaseEncode": 14.881,
    "BodyPartExamined": "HEAD",
    "ConversionSoftware": "dcm2niix",
    "ConversionSoftwareVersion": "v1.0.20170724 GCC4.4.7",
    "DeviceSerialNumber": "45031",
    "EchoTime": 0.033,
    "EchoTrainLength": 84,
    "EffectiveEchoSpacing": 0.000699998,
    "FlipAngle": 80,
    "ImageType": [
      "ORIGINAL",
      "PRIMARY",
      "M",
      "ND",
      "MOSAIC"
    ],
    "InstitutionAddress": "Washington_and_Faculty_Rd._-_Building_25_25_Princeton_NJ_US_085",
    "InstitutionName": "Princeton_University_-_Neuroscience_Institute",
    "MagneticFieldStrength": 3,
    "Manufacturer": "Siemens",
    "ManufacturersModelName": "Skyra",
    "PhaseEncodingDirection": "j-",
    "PhaseEncodingLines": 96,
    "ProcedureStepDescription": "NormanLab_Chris",
    "ProtocolName": "EPI_2mm_1.5TR_SMS4_PPF78_Siemens",
    "RepetitionTime": 1.5,
    "ScanningSequence": "EP",
    "SequenceName": "_epfid2d1_96",
    "SequenceVariant": "SK",
    "SeriesDescription": "EPI_2mm_1.5TR_SMS4_PPF78_Siemens",
    "SliceTiming": [
      0.69,
      0,
      0.79,
      0.0975,
      0.8875,
      0.1975,
      0.9875,
      0.295,
      1.085,
      0.395,
      1.185,
      0.4925,
      1.2825,
      0.5925,
      1.38,
      0.69,
      0,
      0.79,
      0.0975,
      0.8875,
      0.1975,
      0.9875,
      0.295,
      1.085,
      0.395,
      1.185,
      0.4925,
      1.2825,
      0.5925,
      1.38,
      0.69,
      0,
      0.79,
      0.0975,
      0.8875,
      0.1975,
      0.9875,
      0.295,
      1.085,
      0.395,
      1.185,
      0.4925,
      1.2825,
      0.5925,
      1.38,
      0.69,
      0,
      0.79,
      0.0975,
      0.8875,
      0.1975,
      0.9875,
      0.295,
      1.085,
      0.395,
      1.185,
      0.4925,
      1.2825,
      0.5925,
      1.38
    ],
    "SoftwareVersions": "syngo_MR_E11",
    "TotalReadoutTime": 0.0559998,
    "TrueEchoSpacing": 0.00279999,
    "dataset": "ds001379",
    "modality": "bold",
    "run_id": 3,
    "session_id": "03",
    "subject_id": "01",
    "task_id": "recall"
  },
  "dummy_trs": 0,
  "dvars_nstd": 87.4697246613269,
  "dvars_std": 1.2365106744660204,
  "dvars_vstd": 1.017673507734628,
  "efc": 0.6481848720538024,
  "fber": 197.43508911132812,
  "fd_mean": 0.5132664010871948,
  "fd_num": 276,
  "fd_perc": 89.03225806451613,
  "fwhm_avg": 3.260173398295347,
  "fwhm_x": 2.90129,
  "fwhm_y": 3.609585,
  "fwhm_z": 3.2696451948860403,
  "gcor": 0.0351008,
  "gsr_x": -0.022840367630124092,
  "gsr_y": 0.1088925153017044,
  "provenance": {
    "md5sum": "d6f5467828acda6aa34f965a1ecf7c2f",
    "settings": {
      "fd_thres": 0.2,
      "testing": false
    },
    "software": "mriqc",
    "version": "23.0.1",
    "webapi_port": null,
    "webapi_url": "https://mriqc.nimh.nih.gov/api/v1"
  },
  "size_t": 310,
  "size_x": 96,
  "size_y": 96,
  "size_z": 60,
  "snr": 1.9795551308630617,
  "spacing_tr": 1.5,
  "spacing_x": 2.0,
  "spacing_y": 2.0,
  "spacing_z": 1.9999998807907104,
  "summary_bg_k": 10.440900890097122,
  "summary_bg_mad": 20.125127243479938,
  "summary_bg_mean": 101.63362884521484,
  "summary_bg_median": 42.07419204711914,
  "summary_bg_n": 273796.0,
  "summary_bg_p05": 25.299999237060547,
  "summary_bg_p95": 416.97740936279297,
  "summary_bg_stdv": 139.3058319091797,
  "summary_fg_k": 3.4853401090056373,
  "summary_fg_mad": 251.93234026254763,
  "summary_fg_mean": 688.7982788085938,
  "summary_fg_median": 631.183837890625,
  "summary_fg_n": 178688.0,
  "summary_fg_p05": 297.01919403076175,
  "summary_fg_p95": 1295.440460205078,
  "summary_fg_stdv": 318.8504638671875,
  "tsnr": 23.078879114356823
}