{
  "aor": 0.010255672727272727,
  "aqi": 0.0237901608,
  "bids_meta": {
    "AccelFactPE": 4,
    "AcquisitionNumber": 1,
    "AcquisitionTime": "09:14:22.855000",
    "BandwidthPerPixelPhaseEncode": 14.881,
    "BodyPartExamined": "HEAD",
    "ConversionSoftware": "dcm2niix",
    "ConversionSoftwareVersion": "v1.0.20170724 GCC4.4.7",
    "DeviceSerialNumber": "45031",
    "EchoTime": 0.033,
    "EchoTrainLength": 84,
    "EffectiveEchoSpacing": 0.000699998,
    "FlipAngle": 80,
    "ImageType": [
      "ORIGINAL",
      "PRIMARY",
      "M",
      "ND",
      "MOSAIC"
    ],
    "InstitutionAddress": "Washington_and_Faculty_Rd._-_Building_25_25_Princeton_NJ_US_085",
    "InstitutionName": "Princeton_University_-_Neuroscience_Institute",
    "MagneticFieldStrength": 3,
    "Manufacturer": "Siemens",
    "ManufacturersModelName": "Skyra",
    "PhaseEncodingDirection": "j-",
    "PhaseEncodingLines": 96,
    "ProcedureStepDescription": "NormanLab_Chris",
    "ProtocolName": "EPI_2mm_1.5TR_SMS4_PPF78_Siemens",
    "RepetitionTime": 1.5,
    "ScanningSequence": "EP",
    "SequenceName": "_epfid2d1_96",
    "SequenceVariant": "SK",
    "SeriesDescription": "EPI_2mm_1.5TR_SMS4_PPF78_Siemens",
    "SliceTiming": [
      0.69,
      0,
      0.7875,
      0.0975,
      0.8875,
      0.1975,
      0.985,
      0.295,
      1.085,
      0.395,
      1.1825,
      0.4925,
      1.2825,
      0.5925,
      1.38,
      0.69,
      0,
      0.7875,
      0.0975,
      0.8875,
      0.1975,
      0.985,
      0.295,
      1.085,
      0.395,
      1.1825,
      0.4925,
      1.2825,
      0.5925,
      1.38,
      0.69,
      0,
      0.7875,
      0.0975,
      0.8875,
      0.1975,
      0.985,
      0.295,
      1.085,
      0.395,
      1.1825,
      0.4925,
      1.2825,
      0.5925,
      1.38,
      0.69,
      0,
      0.7875,
      0.0975,
      0.8875,
      0.1975,
      0.985,
      0.295,
      1.085,
      0.395,
      1.1825,
      0.4925,
      1.2825,
      0.5925,
      1.38
    ],
    "SoftwareVersions": "syngo_MR_E11",
    "TotalReadoutTime": 0.0559998,
    "TrueEchoSpacing": 0.00279999,
    "dataset": "ds001379",
    "modality": "bold",
    "run_id": 1,
    "session_id": "03",
    "subject_id": "01",
    "task_id": "loci"
  },
  "dummy_trs": 0,
  "dvars_nstd": 99.88049039383216,
  "dvars_std": 1.2402864107664227,
  "dvars_vstd": 1.0573990012043804,
  "efc": 0.6364966490380973,
  "fber": 226.13653564453125,
  "fd_mean": 0.6631010499455441,
  "fd_num": 260,
  "fd_perc": 94.54545454545455,
  "fwhm_avg": 3.325703399575754,
  "fwhm_x": 2.96448,
  "fwhm_y": 3.67854,
  "fwhm_z": 3.334090198727262,
  "gcor": 0.0664455,
  "gsr_x": -0.01964060217142105,
  "gsr_y": 0.10953909158706665,
  "provenance": {
    "md5sum": "a9e77019fa6015991309aafcbb0ef5c6",
    "settings": {
      "fd_thres": 0.2,
      "testing": false
    },
    "software": "mriqc",
    "version": "23.0.1",
    "webapi_port": null,
    "webapi_url": "https://mriqc.nimh.nih.gov/api/v1"
  },
  "size_t": 275,
  "size_x": 96,
  "size_y": 96,
  "size_z": 60,
  "snr": 1.995842192231142,
  "spacing_tr": 1.5,
  "spacing_x": 2.0,
  "spacing_y": 2.0,
  "spacing_z": 1.9999998807907104,
  "summary_bg_k": 11.107579582321776,
  "summary_bg_mad": 20.20652094246837,
  "summary_bg_mean": 90.30558776855469,
  "summary_bg_median": 40.189090728759766,
  "summary_bg_n": 279252.0,
  "summary_bg_p05": 23.367273330688477,
  "summary_bg_p95": 350.11436614990237,
  "summary_bg_stdv": 117.80779266357422,
  "summary_fg_k": 3.6628649318153332,
  "summary_fg_mad": 252.75132777344757,
  "summary_fg_mean": 698.2717895507812,
  "summary_fg_median": 639.023681640625,
  "summary_fg_n": 175000.0,
  "summary_fg_p05": 307.9738204956055,
  "summary_fg_p95": 1306.6591125488278,
  "summary_fg_stdv": 320.1765441894531,
  "tsnr": 18.450341785908677
}