{
  "aor": 0.00540392776523702,
  "aqi": 0.019739039571106093,
  "bids_meta": {
    "AccelFactPE": 4,
    "AcquisitionNumber": 1,
    "AcquisitionTime": "09:30:29.907500",
    "BandwidthPerPixelPhaseEncode": 14.881,
    "BodyPartExamined": "HEAD",
    "ConversionSoftware": "dcm2niix",
    "ConversionSoftwareVersion": "v1.0.20170724 GCC4.4.7",
    "DeviceSerialNumber": "45031",
    "EchoTime": 0.033,
    "EchoTrainLength": 84,
    "EffectiveEchoSpacing": 0.000699998,
    "FlipAngle": 80,
    "ImageType": [
      "ORIGINAL",
      "PRIMARY",
      "M",
      "ND",
      "MOSAIC"
    ],
    "InstitutionAddress": "Washington_and_Faculty_Rd._-_Building_25_25_Princeton_NJ_US_085",
    "InstitutionName": "Princeton_University_-_Neuroscience_Institute",
    "MagneticFieldStrength": 3,
    "Manufacturer": "Siemens",
    "ManufacturersModelName": "Skyra",
    "PhaseEncodingDirection": "j-",
    "PhaseEncodingLines": 96,
    "ProcedureStepDescription": "NormanLab_Chris",
    "ProtocolName": "EPI_2mm_1.5TR_SMS4_PPF78_Siemens",
    "RepetitionTime": 1.5,
    "ScanningSequence": "EP",
    "SequenceName": "_epfid2d1_96",
    "SequenceVariant": "SK",
    "SeriesDescription": "EPI_2mm_1.5TR_SMS4_PPF78_Siemens",
    "SliceTiming": [
      0.6925,
      0,
      0.79,
      0.1,
      0.8875,
      0.1975,
      0.9875,
      0.2975,
      1.085,
      0.395,
      1.185,
      0.495,
      1.2825,
      0.5925,
      1.3825,
      0.6925,
      0,
      0.79,
      0.1,
      0.8875,
      0.1975,
      0.9875,
      0.2975,
      1.085,
      0.395,
      1.185,
      0.495,
      1.2825,
      0.5925,
      1.3825,
      0.6925,
      0,
      0.79,
      0.1,
      0.8875,
      0.1975,
      0.9875,
      0.2975,
      1.085,
      0.395,
      1.185,
      0.495,
      1.2825,
      0.5925,
      1.3825,
      0.6925,
      0,
      0.79,
      0.1,
      0.8875,
      0.1975,
      0.9875,
      0.2975,
      1.085,
      0.395,
      1.185,
      0.495,
      1.2825,
      0.5925,
      1.3825
    ],
    "SoftwareVersions": "syngo_MR_E11",
    "TotalReadoutTime": 0.0559998,
    "TrueEchoSpacing": 0.00279999,
    "dataset": "ds001379",
    "modality": "bold",
    "run_id": 1,
    "session_id": "03",
    "subject_id": "01",
    "task_id": "encode"
  },
  "dummy_trs": 0,
  "dvars_nstd": 87.1796198449548,
  "dvars_std": 1.2455803467194573,
  "dvars_vstd": 1.0348235356561093,
  "efc": 0.6415266872070029,
  "fber": 214.92445373535156,
  "fd_mean": 0.5603919932320697,
  "fd_num": 406,
  "fd_perc": 91.64785553047405,
  "fwhm_avg": 3.2995150659307875,
  "fwhm_x": 2.937595,
  "fwhm_y": 3.642545,
  "fwhm_z": 3.3184051977923628,
  "gcor": 0.0510491,
  "gsr_x": -0.021228564903140068,
  "gsr_y": 0.10695614665746689,
  "provenance": {
    "md5sum": "83b95c619d50636ee6fe89d5ea5c6631",
    "settings": {
      "fd_thres": 0.2,
      "testing": false
    },
    "software": "mriqc",
    "version": "23.0.1",
    "webapi_port": null,
    "webapi_url": "https://mriqc.nimh.nih.gov/api/v1"
  },
  "size_t": 443,
  "size_x": 96,
  "size_y": 96,
  "size_z": 60,
  "snr": 1.9869468068384328,
  "spacing_tr": 1.5,
  "spacing_x": 2.0,
  "spacing_y": 2.0,
  "spacing_z": 1.9999998807907104,
  "summary_bg_k": 11.64756067561264,
  "summary_bg_mad": 19.65536092088131,
  "summary_bg_mean": 94.22799682617188,
  "summary_bg_median": 40.81038284301758,
  "summary_bg_n": 275911.0,
  "summary_bg_p05": 24.469526290893555,
  "summary_bg_p95": 373.96051025390625,
  "summary_bg_stdv": 126.55816650390625,
  "summary_fg_k": 3.4083172921455116,
  "summary_fg_mad": 254.7197754088939,
  "summary_fg_mean": 697.255859375,
  "summary_fg_median": 638.084716796875,
  "summary_fg_n": 176764.0,
  "summary_fg_p05": 303.71783447265625,
  "summary_fg_p95": 1310.040649414063,
  "summary_fg_stdv": 321.13739013671875,
  "tsnr": 22.220410677429754
}