{
  "bids_meta": {
    "AccelFactPE": 2,
    "AcquisitionNumber": 1,
    "AcquisitionTime": "10:14:0.385000",
    "BodyPartExamined": "HEAD",
    "ConversionSoftware": "dcm2niix",
    "ConversionSoftwareVersion": "v1.0.20170724 GCC4.4.7",
    "DeviceSerialNumber": "45031",
    "EchoTime": 0.00298,
    "FlipAngle": 9,
    "ImageType": [
      "ORIGINAL",
      "PRIMARY",
      "M",
      "ND",
      "NORM"
    ],
    "InstitutionAddress": "Washington_and_Faculty_Rd._-_Building_25_25_Princeton_NJ_US_085",
    "InstitutionName": "Princeton_University_-_Neuroscience_Institute",
    "InversionTime": 0.9,
    "MagneticFieldStrength": 3,
    "Manufacturer": "Siemens",
    "ManufacturersModelName": "Skyra",
    "PhaseEncodingDirection": "i-",
    "PhaseEncodingLines": 256,
    "ProcedureStepDescription": "NormanLab_Chris",
    "ProtocolName": "T1w_MPR_1iso_iP2",
    "RepetitionTime": 2.3,
    "ScanningSequence": "GR_IR",
    "SequenceName": "_tfl3d1_16ns",
    "SequenceVariant": "SK_SP_MP",
    "SeriesDescription": "T1w_MPR_1iso_iP2",
    "SoftwareVersions": "syngo_MR_E11",
    "dataset": "ds001379",
    "modality": "T1w",
    "session_id": "01",
    "subject_id": "01"
  },
  "cjv": 0.3910980419131991,
  "cnr": 3.4457839395461947,
  "efc": 0.5281296940094211,
  "fber": -1.0,
  "fwhm_avg": 3.6614066666666667,
  "fwhm_x": 3.6653,
  "fwhm_y": 3.85713,
  "fwhm_z": 3.46179,
  "icvs_csf": 0.25538772820110345,
  "icvs_gm": 0.40292004257192165,
  "icvs_wm": 0.34169222922697495,
  "inu_med": 0.5930613875389099,
  "inu_range": 0.20778942108154297,
  "provenance": {
    "md5sum": "29273b372059eb2932d5f1b5db4956c7",
    "settings": {
      "testing": false
    },
    "software": "mriqc",
    "version": "23.0.1",
    "warnings": {
      "large_rot_frame": true,
      "small_air_mask": false
    },
    "webapi_port": null,
    "webapi_url": "https://mriqc.nimh.nih.gov/api/v1"
  },
  "qi_1": 7.418760515223645e-06,
  "qi_2": 0.0008719776614523781,
  "rpve_csf": 19.780933886425007,
  "rpve_gm": 12.167687929909391,
  "rpve_wm": 16.7147813400445,
  "size_x": 176,
  "size_y": 256,
  "size_z": 256,
  "snr_csf": 2.2070992997491303,
  "snr_gm": 8.574230761360047,
  "snr_total": 10.361875052565189,
  "snr_wm": 20.304295096586387,
  "snrd_csf": 21.044814699560717,
  "snrd_gm": 72.00315041303632,
  "snrd_total": 66.40407127278623,
  "snrd_wm": 106.16424870576162,
  "spacing_x": 1.0,
  "spacing_y": 1.0,
  "spacing_z": 1.0,
  "summary_bg_k": 15.735500345571417,
  "summary_bg_mad": 0.0,
  "summary_bg_mean": 3.3983844991740604,
  "summary_bg_median": 0.0,
  "summary_bg_n": 4060656.0,
  "summary_bg_p05": 0.0,
  "summary_bg_p95": 15.023325830698013,
  "summary_bg_stdv": 6.170970115902374,
  "summary_csf_k": 1.7093080951674597,
  "summary_csf_mad": 78.22142322844061,
  "summary_csf_mean": 205.10634149155732,
  "summary_csf_median": 198.22883082926273,
  "summary_csf_n": 79534.0,
  "summary_csf_p05": 72.38870946317911,
  "summary_csf_p95": 369.28520943894915,
  "summary_csf_stdv": 89.81362309282234,
  "summary_gm_k": -0.003561943333936668,
  "summary_gm_mad": 78.95410797205658,
  "summary_gm_mean": 677.9577197329481,
  "summary_gm_median": 678.2240911200643,
  "summary_gm_n": 24028.0,
  "summary_gm_p05": 545.8745208118111,
  "summary_gm_p95": 809.1503989811986,
  "summary_gm_stdv": 79.09863830892287,
  "summary_wm_k": 0.605743674069048,
  "summary_wm_mad": 46.891823591421876,
  "summary_wm_mean": 998.8594378715352,
  "summary_wm_median": 1000.0000093728304,
  "summary_wm_n": 201317.0,
  "summary_wm_p05": 916.5414808765054,
  "summary_wm_p95": 1077.0933919250965,
  "summary_wm_stdv": 49.250541374009515,
  "tpm_overlap_csf": 0.15846370092599785,
  "tpm_overlap_gm": 0.43767245786594144,
  "tpm_overlap_wm": 0.4790539665622741,
  "wm2max": 0.5464030830924489
}