{
  "aor": 0.013205154185022024,
  "aqi": 0.03211367268722467,
  "bids_meta": {
    "AccelFactPE": 4,
    "AcquisitionNumber": 1,
    "AcquisitionTime": "14:48:40.447500",
    "BandwidthPerPixelPhaseEncode": 14.881,
    "BodyPartExamined": "HEAD",
    "ConversionSoftware": "dcm2niix",
    "ConversionSoftwareVersion": "v1.0.20170724 GCC4.4.7",
    "DeviceSerialNumber": "45031",
    "EchoTime": 0.033,
    "EchoTrainLength": 84,
    "EffectiveEchoSpacing": 0.000699998,
    "FlipAngle": 80,
    "ImageType": [
      "ORIGINAL",
      "PRIMARY",
      "M",
      "ND",
      "MOSAIC"
    ],
    "InstitutionAddress": "Washington_and_Faculty_Rd._-_Building_25_25_Princeton_NJ_US_085",
    "InstitutionName": "Princeton_University_-_Neuroscience_Institute",
    "MagneticFieldStrength": 3,
    "Manufacturer": "Siemens",
    "ManufacturersModelName": "Skyra",
    "PhaseEncodingDirection": "j-",
    "PhaseEncodingLines": 96,
    "ProcedureStepDescription": "NormanLab_Chris",
    "ProtocolName": "EPI_2mm_1.5TR_SMS4_PPF78_Siemens",
    "RepetitionTime": 1.5,
    "ScanningSequence": "EP",
    "SequenceName": "_epfid2d1_96",
    "SequenceVariant": "SK",
    "SeriesDescription": "EPI_2mm_1.5TR_SMS4_PPF78_Siemens",
    "SliceTiming": [
      0.69,
      0,
      0.79,
      0.0975,
      0.8875,
      0.1975,
      0.9875,
      0.295,
      1.085,
      0.395,
      1.185,
      0.4925,
      1.2825,
      0.5925,
      1.38,
      0.69,
      0,
      0.79,
      0.0975,
      0.8875,
      0.1975,
      0.9875,
      0.295,
      1.085,
      0.395,
      1.185,
      0.4925,
      1.2825,
      0.5925,
      1.38,
      0.69,
      0,
      0.79,
      0.0975,
      0.8875,
      0.1975,
      0.9875,
      0.295,
      1.085,
      0.395,
      1.185,
      0.4925,
      1.2825,
      0.5925,
      1.38,
      0.69,
      0,
      0.79,
      0.0975,
      0.8875,
      0.1975,
      0.9875,
      0.295,
      1.085,
      0.395,
      1.185,
      0.4925,
      1.2825,
      0.5925,
      1.38
    ],
    "SoftwareVersions": "syngo_MR_E11",
    "TotalReadoutTime": 0.0559998,
    "TrueEchoSpacing": 0.00279999,
    "dataset": "ds001379",
    "modality": "bold",
    "run_id": 1,
    "session_id": "02",
    "subject_id": "01",
    "task_id": "forget"
  },
  "dummy_trs": 0,
  "dvars_nstd": 137.17543858584068,
  "dvars_std": 1.290489544336284,
  "dvars_vstd": 1.0935081868141596,
  "efc": 0.6385455504908043,
  "fber": 210.75155639648438,
  "fd_mean": 0.7751693321064895,
  "fd_num": 219,
  "fd_perc": 96.47577092511013,
  "fwhm_avg": 3.329095,
  "fwhm_x": 2.98372,
  "fwhm_y": 3.661915,
  "fwhm_z": 3.34165,
  "gcor": 0.124427,
  "gsr_x": -0.01133239921182394,
  "gsr_y": 0.10030399262905121,
  "provenance": {
    "md5sum": "0dec0592cfc1d2fcc88da239404453d4",
    "settings": {
      "fd_thres": 0.2,
      "testing": false
    },
    "software": "mriqc",
    "version": "23.0.1",
    "webapi_port": null,
    "webapi_url": "https://mriqc.nimh.nih.gov/api/v1"
  },
  "size_t": 227,
  "size_x": 96,
  "size_y": 96,
  "size_z": 60,
  "snr": 1.9899753099111643,
  "spacing_tr": 1.5,
  "spacing_x": 2.0,
  "spacing_y": 2.0,
  "spacing_z": 2.0,
  "summary_bg_k": 10.778753490360844,
  "summary_bg_mad": 18.339852899628514,
  "summary_bg_mean": 96.66950988769531,
  "summary_bg_median": 40.28193664550781,
  "summary_bg_n": 284257.0,
  "summary_bg_p05": 25.066078186035156,
  "summary_bg_p95": 392.72686767578125,
  "summary_bg_stdv": 131.62425231933594,
  "summary_fg_k": 2.764093520110274,
  "summary_fg_mad": 253.5151837290726,
  "summary_fg_mean": 682.7764282226562,
  "summary_fg_median": 623.9625244140625,
  "summary_fg_n": 169290.0,
  "summary_fg_p05": 295.56297760009767,
  "summary_fg_p95": 1285.5642822265625,
  "summary_fg_stdv": 313.5519714355469,
  "tsnr": 13.6224395330064
}