{
  "aor": 0.015593492647058824,
  "aqi": 0.027229109191176472,
  "bids_meta": {
    "AccelFactPE": 4,
    "AcquisitionNumber": 1,
    "AcquisitionTime": "14:21:8.165000",
    "BandwidthPerPixelPhaseEncode": 14.881,
    "BodyPartExamined": "HEAD",
    "ConversionSoftware": "dcm2niix",
    "ConversionSoftwareVersion": "v1.0.20170724 GCC4.4.7",
    "DeviceSerialNumber": "45031",
    "EchoTime": 0.033,
    "EchoTrainLength": 84,
    "EffectiveEchoSpacing": 0.000699998,
    "FlipAngle": 80,
    "ImageType": [
      "ORIGINAL",
      "PRIMARY",
      "M",
      "ND",
      "MOSAIC"
    ],
    "InstitutionAddress": "Washington_and_Faculty_Rd._-_Building_25_25_Princeton_NJ_US_085",
    "InstitutionName": "Princeton_University_-_Neuroscience_Institute",
    "MagneticFieldStrength": 3,
    "Manufacturer": "Siemens",
    "ManufacturersModelName": "Skyra",
    "PhaseEncodingDirection": "j-",
    "PhaseEncodingLines": 96,
    "ProcedureStepDescription": "NormanLab_Chris",
    "ProtocolName": "EPI_2mm_1.5TR_SMS4_PPF78_Siemens",
    "RepetitionTime": 1.5,
    "ScanningSequence": "EP",
    "SequenceName": "_epfid2d1_96",
    "SequenceVariant": "SK",
    "SeriesDescription": "EPI_2mm_1.5TR_SMS4_PPF78_Siemens",
    "SliceTiming": [
      0.69,
      0,
      0.79,
      0.0975,
      0.8875,
      0.1975,
      0.9875,
      0.295,
      1.085,
      0.395,
      1.185,
      0.4925,
      1.2825,
      0.5925,
      1.38,
      0.69,
      0,
      0.79,
      0.0975,
      0.8875,
      0.1975,
      0.9875,
      0.295,
      1.085,
      0.395,
      1.185,
      0.4925,
      1.2825,
      0.5925,
      1.38,
      0.69,
      0,
      0.79,
      0.0975,
      0.8875,
      0.1975,
      0.9875,
      0.295,
      1.085,
      0.395,
      1.185,
      0.4925,
      1.2825,
      0.5925,
      1.38,
      0.69,
      0,
      0.79,
      0.0975,
      0.8875,
      0.1975,
      0.9875,
      0.295,
      1.085,
      0.395,
      1.185,
      0.4925,
      1.2825,
      0.5925,
      1.38
    ],
    "SoftwareVersions": "syngo_MR_E11",
    "TotalReadoutTime": 0.0559998,
    "TrueEchoSpacing": 0.00279999,
    "dataset": "ds001379",
    "modality": "bold",
    "run_id": 1,
    "session_id": "02",
    "subject_id": "01",
    "task_id": "recall"
  },
  "dummy_trs": 0,
  "dvars_nstd": 119.34960222416981,
  "dvars_std": 1.2904215777121772,
  "dvars_vstd": 1.105514221586715,
  "efc": 0.6342794556071252,
  "fber": 214.70716857910156,
  "fd_mean": 0.7057332059912161,
  "fd_num": 255,
  "fd_perc": 93.75,
  "fwhm_avg": 3.331405,
  "fwhm_x": 2.988585,
  "fwhm_y": 3.646225,
  "fwhm_z": 3.359405,
  "gcor": 0.0860664,
  "gsr_x": -0.019491998478770256,
  "gsr_y": 0.11532657593488693,
  "provenance": {
    "md5sum": "37cfb6277a13632ffd073868fd285c11",
    "settings": {
      "fd_thres": 0.2,
      "testing": false
    },
    "software": "mriqc",
    "version": "23.0.1",
    "webapi_port": null,
    "webapi_url": "https://mriqc.nimh.nih.gov/api/v1"
  },
  "size_t": 272,
  "size_x": 96,
  "size_y": 96,
  "size_z": 60,
  "snr": 1.9671782805546663,
  "spacing_tr": 1.5,
  "spacing_x": 2.0,
  "spacing_y": 2.0,
  "spacing_z": 2.0,
  "summary_bg_k": 12.69205881683794,
  "summary_bg_mad": 20.069636552612064,
  "summary_bg_mean": 97.86583709716797,
  "summary_bg_median": 40.65808868408203,
  "summary_bg_n": 289356.0,
  "summary_bg_p05": 24.12132453918457,
  "summary_bg_p95": 394.63877868652344,
  "summary_bg_stdv": 135.91990661621094,
  "summary_fg_k": 2.9445287620437135,
  "summary_fg_mad": 257.76565244586834,
  "summary_fg_mean": 690.0613403320312,
  "summary_fg_median": 629.5882568359375,
  "summary_fg_n": 167695.0,
  "summary_fg_p05": 297.0191162109375,
  "summary_fg_p95": 1303.7955688476559,
  "summary_fg_stdv": 320.04541015625,
  "tsnr": 15.86109650641447
}