{
  "aor": 0.01326155223880597,
  "aqi": 0.027262062119402984,
  "bids_meta": {
    "AccelFactPE": 4,
    "AcquisitionNumber": 1,
    "AcquisitionTime": "14:11:45.895000",
    "BandwidthPerPixelPhaseEncode": 14.881,
    "BodyPartExamined": "HEAD",
    "ConversionSoftware": "dcm2niix",
    "ConversionSoftwareVersion": "v1.0.20170724 GCC4.4.7",
    "DeviceSerialNumber": "45031",
    "EchoTime": 0.033,
    "EchoTrainLength": 84,
    "EffectiveEchoSpacing": 0.000699998,
    "FlipAngle": 80,
    "ImageType": [
      "ORIGINAL",
      "PRIMARY",
      "M",
      "ND",
      "MOSAIC"
    ],
    "InstitutionAddress": "Washington_and_Faculty_Rd._-_Building_25_25_Princeton_NJ_US_085",
    "InstitutionName": "Princeton_University_-_Neuroscience_Institute",
    "MagneticFieldStrength": 3,
    "Manufacturer": "Siemens",
    "ManufacturersModelName": "Skyra",
    "PhaseEncodingDirection": "j-",
    "PhaseEncodingLines": 96,
    "ProcedureStepDescription": "NormanLab_Chris",
    "ProtocolName": "EPI_2mm_1.5TR_SMS4_PPF78_Siemens",
    "RepetitionTime": 1.5,
    "ScanningSequence": "EP",
    "SequenceName": "_epfid2d1_96",
    "SequenceVariant": "SK",
    "SeriesDescription": "EPI_2mm_1.5TR_SMS4_PPF78_Siemens",
    "SliceTiming": [
      0.69,
      0,
      0.7875,
      0.0975,
      0.8875,
      0.1975,
      0.985,
      0.295,
      1.085,
      0.3925,
      1.1825,
      0.4925,
      1.2825,
      0.59,
      1.38,
      0.69,
      0,
      0.7875,
      0.0975,
      0.8875,
      0.1975,
      0.985,
      0.295,
      1.085,
      0.3925,
      1.1825,
      0.4925,
      1.2825,
      0.59,
      1.38,
      0.69,
      0,
      0.7875,
      0.0975,
      0.8875,
      0.1975,
      0.985,
      0.295,
      1.085,
      0.3925,
      1.1825,
      0.4925,
      1.2825,
      0.59,
      1.38,
      0.69,
      0,
      0.7875,
      0.0975,
      0.8875,
      0.1975,
      0.985,
      0.295,
      1.085,
      0.3925,
      1.1825,
      0.4925,
      1.2825,
      0.59,
      1.38
    ],
    "SoftwareVersions": "syngo_MR_E11",
    "TotalReadoutTime": 0.0559998,
    "TrueEchoSpacing": 0.00279999,
    "dataset": "ds001379",
    "modality": "bold",
    "run_id": 1,
    "session_id": "02",
    "subject_id": "01",
    "task_id": "encode"
  },
  "dummy_trs": 0,
  "dvars_nstd": 125.44518865946107,
  "dvars_std": 1.3075725209580824,
  "dvars_vstd": 1.1032615007784448,
  "efc": 0.632714921211367,
  "fber": 220.51095581054688,
  "fd_mean": 0.6725602259749193,
  "fd_num": 318,
  "fd_perc": 94.92537313432835,
  "fwhm_avg": 3.3563983333333334,
  "fwhm_x": 3.018045,
  "fwhm_y": 3.685435,
  "fwhm_z": 3.365715,
  "gcor": 0.087387,
  "gsr_x": -0.024729693308472633,
  "gsr_y": 0.12073865532875061,
  "provenance": {
    "md5sum": "e85ff119b6cb5d9399809afd4614fa49",
    "settings": {
      "fd_thres": 0.2,
      "testing": false
    },
    "software": "mriqc",
    "version": "23.0.1",
    "webapi_port": null,
    "webapi_url": "https://mriqc.nimh.nih.gov/api/v1"
  },
  "size_t": 335,
  "size_x": 96,
  "size_y": 96,
  "size_z": 60,
  "snr": 1.9636190821261328,
  "spacing_tr": 1.5,
  "spacing_x": 2.0,
  "spacing_y": 2.0,
  "spacing_z": 2.0,
  "summary_bg_k": 13.656775400916114,
  "summary_bg_mad": 18.34000843079081,
  "summary_bg_mean": 98.75198364257812,
  "summary_bg_median": 40.047760009765625,
  "summary_bg_n": 291698.0,
  "summary_bg_p05": 25.173133850097656,
  "summary_bg_p95": 399.2546203613279,
  "summary_bg_stdv": 137.07427978515625,
  "summary_fg_k": 3.0116399933624587,
  "summary_fg_mad": 258.7074360511599,
  "summary_fg_mean": 689.9276123046875,
  "summary_fg_median": 629.1477661132812,
  "summary_fg_n": 166696.0,
  "summary_fg_p05": 296.8462829589844,
  "summary_fg_p95": 1305.3388366699219,
  "summary_fg_stdv": 320.40118408203125,
  "tsnr": 15.296644769550767
}