{
  "aor": 0.015919072164948454,
  "aqi": 0.022330133917525773,
  "bids_meta": {
    "AccelFactPE": 4,
    "AcquisitionNumber": 1,
    "AcquisitionTime": "14:06:5.252500",
    "BandwidthPerPixelPhaseEncode": 14.881,
    "BodyPartExamined": "HEAD",
    "ConversionSoftware": "dcm2niix",
    "ConversionSoftwareVersion": "v1.0.20170724 GCC4.4.7",
    "DeviceSerialNumber": "45031",
    "EchoTime": 0.033,
    "EchoTrainLength": 84,
    "EffectiveEchoSpacing": 0.000699998,
    "FlipAngle": 80,
    "ImageType": [
      "ORIGINAL",
      "PRIMARY",
      "M",
      "ND",
      "MOSAIC"
    ],
    "InstitutionAddress": "Washington_and_Faculty_Rd._-_Building_25_25_Princeton_NJ_US_085",
    "InstitutionName": "Princeton_University_-_Neuroscience_Institute",
    "MagneticFieldStrength": 3,
    "Manufacturer": "Siemens",
    "ManufacturersModelName": "Skyra",
    "PhaseEncodingDirection": "j-",
    "PhaseEncodingLines": 96,
    "ProcedureStepDescription": "NormanLab_Chris",
    "ProtocolName": "EPI_2mm_1.5TR_SMS4_PPF78_Siemens",
    "RepetitionTime": 1.5,
    "ScanningSequence": "EP",
    "SequenceName": "_epfid2d1_96",
    "SequenceVariant": "SK",
    "SeriesDescription": "EPI_2mm_1.5TR_SMS4_PPF78_Siemens",
    "SliceTiming": [
      0.69,
      0,
      0.79,
      0.1,
      0.8875,
      0.1975,
      0.9875,
      0.2975,
      1.085,
      0.395,
      1.185,
      0.4925,
      1.2825,
      0.5925,
      1.3825,
      0.69,
      0,
      0.79,
      0.1,
      0.8875,
      0.1975,
      0.9875,
      0.2975,
      1.085,
      0.395,
      1.185,
      0.4925,
      1.2825,
      0.5925,
      1.3825,
      0.69,
      0,
      0.79,
      0.1,
      0.8875,
      0.1975,
      0.9875,
      0.2975,
      1.085,
      0.395,
      1.185,
      0.4925,
      1.2825,
      0.5925,
      1.3825,
      0.69,
      0,
      0.79,
      0.1,
      0.8875,
      0.1975,
      0.9875,
      0.2975,
      1.085,
      0.395,
      1.185,
      0.4925,
      1.2825,
      0.5925,
      1.3825
    ],
    "SoftwareVersions": "syngo_MR_E11",
    "TotalReadoutTime": 0.0559998,
    "TrueEchoSpacing": 0.00279999,
    "dataset": "ds001379",
    "modality": "bold",
    "run_id": 2,
    "session_id": "02",
    "subject_id": "01",
    "task_id": "loci"
  },
  "dummy_trs": 0,
  "dvars_nstd": 108.7134862115026,
  "dvars_std": 1.2982908683419683,
  "dvars_vstd": 1.1150843462176172,
  "efc": 0.6303870394299808,
  "fber": 226.18350219726562,
  "fd_mean": 0.5970735330468854,
  "fd_num": 182,
  "fd_perc": 93.81443298969072,
  "fwhm_avg": 3.32705,
  "fwhm_x": 3.002125,
  "fwhm_y": 3.63774,
  "fwhm_z": 3.341285,
  "gcor": 0.111263,
  "gsr_x": -0.025673281401395798,
  "gsr_y": 0.12924522161483765,
  "provenance": {
    "md5sum": "e0983b6d365ee265ac0ba635f36669d9",
    "settings": {
      "fd_thres": 0.2,
      "testing": false
    },
    "software": "mriqc",
    "version": "23.0.1",
    "webapi_port": null,
    "webapi_url": "https://mriqc.nimh.nih.gov/api/v1"
  },
  "size_t": 194,
  "size_x": 96,
  "size_y": 96,
  "size_z": 60,
  "snr": 1.9553161136665025,
  "spacing_tr": 1.5,
  "spacing_x": 2.0,
  "spacing_y": 2.0,
  "spacing_z": 2.0,
  "summary_bg_k": 14.348986206497916,
  "summary_bg_mad": 19.80878534288796,
  "summary_bg_mean": 100.19539642333984,
  "summary_bg_median": 40.314430236816406,
  "summary_bg_n": 293536.0,
  "summary_bg_p05": 24.23582363128662,
  "summary_bg_p95": 402.9935531616211,
  "summary_bg_stdv": 141.52618408203125,
  "summary_fg_k": 3.3184379581939014,
  "summary_fg_mad": 260.02860257888096,
  "summary_fg_mean": 699.759521484375,
  "summary_fg_median": 637.4072265625,
  "summary_fg_n": 165926.0,
  "summary_fg_p05": 304.19715118408203,
  "summary_fg_p95": 1325.0759582519531,
  "summary_fg_stdv": 325.9858093261719,
  "tsnr": 17.333740824484266
}