{
  "aor": 0.017011503267973856,
  "aqi": 0.0236873668627451,
  "bids_meta": {
    "AccelFactPE": 4,
    "AcquisitionNumber": 1,
    "AcquisitionTime": "14:36:58.925000",
    "BandwidthPerPixelPhaseEncode": 14.881,
    "BodyPartExamined": "HEAD",
    "ConversionSoftware": "dcm2niix",
    "ConversionSoftwareVersion": "v1.0.20170724 GCC4.4.7",
    "DeviceSerialNumber": "45031",
    "EchoTime": 0.033,
    "EchoTrainLength": 84,
    "EffectiveEchoSpacing": 0.000699998,
    "FlipAngle": 80,
    "ImageType": [
      "ORIGINAL",
      "PRIMARY",
      "M",
      "ND",
      "MOSAIC"
    ],
    "InstitutionAddress": "Washington_and_Faculty_Rd._-_Building_25_25_Princeton_NJ_US_085",
    "InstitutionName": "Princeton_University_-_Neuroscience_Institute",
    "MagneticFieldStrength": 3,
    "Manufacturer": "Siemens",
    "ManufacturersModelName": "Skyra",
    "PhaseEncodingDirection": "j-",
    "PhaseEncodingLines": 96,
    "ProcedureStepDescription": "NormanLab_Chris",
    "ProtocolName": "EPI_2mm_1.5TR_SMS4_PPF78_Siemens",
    "RepetitionTime": 1.5,
    "ScanningSequence": "EP",
    "SequenceName": "_epfid2d1_96",
    "SequenceVariant": "SK",
    "SeriesDescription": "EPI_2mm_1.5TR_SMS4_PPF78_Siemens",
    "SliceTiming": [
      0.6925,
      0,
      0.79,
      0.1,
      0.89,
      0.1975,
      0.9875,
      0.2975,
      1.0875,
      0.395,
      1.185,
      0.495,
      1.285,
      0.5925,
      1.3825,
      0.6925,
      0,
      0.79,
      0.1,
      0.89,
      0.1975,
      0.9875,
      0.2975,
      1.0875,
      0.395,
      1.185,
      0.495,
      1.285,
      0.5925,
      1.3825,
      0.6925,
      0,
      0.79,
      0.1,
      0.89,
      0.1975,
      0.9875,
      0.2975,
      1.0875,
      0.395,
      1.185,
      0.495,
      1.285,
      0.5925,
      1.3825,
      0.6925,
      0,
      0.79,
      0.1,
      0.89,
      0.1975,
      0.9875,
      0.2975,
      1.0875,
      0.395,
      1.185,
      0.495,
      1.285,
      0.5925,
      1.3825
    ],
    "SoftwareVersions": "syngo_MR_E11",
    "TotalReadoutTime": 0.0559998,
    "TrueEchoSpacing": 0.00279999,
    "dataset": "ds001379",
    "modality": "bold",
    "run_id": 2,
    "session_id": "02",
    "subject_id": "01",
    "task_id": "recall"
  },
  "dummy_trs": 0,
  "dvars_nstd": 119.15066417888154,
  "dvars_std": 1.3408497782894735,
  "dvars_vstd": 1.1353595580263154,
  "efc": 0.6364118326619165,
  "fber": 213.8765106201172,
  "fd_mean": 0.5911305509030245,
  "fd_num": 135,
  "fd_perc": 88.23529411764706,
  "fwhm_avg": 3.2821533333333335,
  "fwhm_x": 2.94553,
  "fwhm_y": 3.60643,
  "fwhm_z": 3.2945,
  "gcor": 0.0742198,
  "gsr_x": -0.014077385887503624,
  "gsr_y": 0.10034643858671188,
  "provenance": {
    "md5sum": "9a3cb0b0e502d0f4b55db0c30868ed5f",
    "settings": {
      "fd_thres": 0.2,
      "testing": false
    },
    "software": "mriqc",
    "version": "23.0.1",
    "webapi_port": null,
    "webapi_url": "https://mriqc.nimh.nih.gov/api/v1"
  },
  "size_t": 153,
  "size_x": 96,
  "size_y": 96,
  "size_z": 60,
  "snr": 1.9769861393011727,
  "spacing_tr": 1.5,
  "spacing_x": 2.0,
  "spacing_y": 2.0,
  "spacing_z": 2.0,
  "summary_bg_k": 10.860025670185246,
  "summary_bg_mad": 20.242850194141383,
  "summary_bg_mean": 97.0050277709961,
  "summary_bg_median": 40.83660125732422,
  "summary_bg_n": 285475.0,
  "summary_bg_p05": 23.980392456054688,
  "summary_bg_p95": 393.0058868408201,
  "summary_bg_stdv": 132.560546875,
  "summary_fg_k": 2.920945410895702,
  "summary_fg_mad": 257.81288867377725,
  "summary_fg_mean": 695.3353881835938,
  "summary_fg_median": 634.8594970703125,
  "summary_fg_n": 169350.0,
  "summary_fg_p05": 300.8163467407227,
  "summary_fg_p95": 1313.6548706054684,
  "summary_fg_stdv": 321.12396240234375,
  "tsnr": 17.203347725386266
}