{
  "aor": 0.00785510460251046,
  "aqi": 0.029361960669456063,
  "bids_meta": {
    "AccelFactPE": 4,
    "AcquisitionNumber": 1,
    "AcquisitionTime": "14:41:45.325000",
    "BandwidthPerPixelPhaseEncode": 14.881,
    "BodyPartExamined": "HEAD",
    "ConversionSoftware": "dcm2niix",
    "ConversionSoftwareVersion": "v1.0.20170724 GCC4.4.7",
    "DeviceSerialNumber": "45031",
    "EchoTime": 0.033,
    "EchoTrainLength": 84,
    "EffectiveEchoSpacing": 0.000699998,
    "FlipAngle": 80,
    "ImageType": [
      "ORIGINAL",
      "PRIMARY",
      "M",
      "ND",
      "MOSAIC"
    ],
    "InstitutionAddress": "Washington_and_Faculty_Rd._-_Building_25_25_Princeton_NJ_US_085",
    "InstitutionName": "Princeton_University_-_Neuroscience_Institute",
    "MagneticFieldStrength": 3,
    "Manufacturer": "Siemens",
    "ManufacturersModelName": "Skyra",
    "PhaseEncodingDirection": "j-",
    "PhaseEncodingLines": 96,
    "ProcedureStepDescription": "NormanLab_Chris",
    "ProtocolName": "EPI_2mm_1.5TR_SMS4_PPF78_Siemens",
    "RepetitionTime": 1.5,
    "ScanningSequence": "EP",
    "SequenceName": "_epfid2d1_96",
    "SequenceVariant": "SK",
    "SeriesDescription": "EPI_2mm_1.5TR_SMS4_PPF78_Siemens",
    "SliceTiming": [
      0.69,
      0,
      0.79,
      0.1,
      0.8875,
      0.1975,
      0.9875,
      0.295,
      1.085,
      0.395,
      1.185,
      0.4925,
      1.2825,
      0.5925,
      1.3825,
      0.69,
      0,
      0.79,
      0.1,
      0.8875,
      0.1975,
      0.9875,
      0.295,
      1.085,
      0.395,
      1.185,
      0.4925,
      1.2825,
      0.5925,
      1.3825,
      0.69,
      0,
      0.79,
      0.1,
      0.8875,
      0.1975,
      0.9875,
      0.295,
      1.085,
      0.395,
      1.185,
      0.4925,
      1.2825,
      0.5925,
      1.3825,
      0.69,
      0,
      0.79,
      0.1,
      0.8875,
      0.1975,
      0.9875,
      0.295,
      1.085,
      0.395,
      1.185,
      0.4925,
      1.2825,
      0.5925,
      1.3825
    ],
    "SoftwareVersions": "syngo_MR_E11",
    "TotalReadoutTime": 0.0559998,
    "TrueEchoSpacing": 0.00279999,
    "dataset": "ds001379",
    "modality": "bold",
    "run_id": 3,
    "session_id": "02",
    "subject_id": "01",
    "task_id": "recall"
  },
  "dummy_trs": 0,
  "dvars_nstd": 123.53945876361335,
  "dvars_std": 1.2511899670588236,
  "dvars_vstd": 1.0529803128991602,
  "efc": 0.6382157200630564,
  "fber": 207.7261199951172,
  "fd_mean": 0.6692092022558284,
  "fd_num": 220,
  "fd_perc": 92.05020920502092,
  "fwhm_avg": 3.33592,
  "fwhm_x": 2.994215,
  "fwhm_y": 3.69462,
  "fwhm_z": 3.318925,
  "gcor": 0.112523,
  "gsr_x": -0.015113048255443573,
  "gsr_y": 0.10237377882003784,
  "provenance": {
    "md5sum": "74a0b84571a851f22281ad5d039ab4d2",
    "settings": {
      "fd_thres": 0.2,
      "testing": false
    },
    "software": "mriqc",
    "version": "23.0.1",
    "webapi_port": null,
    "webapi_url": "https://mriqc.nimh.nih.gov/api/v1"
  },
  "size_t": 239,
  "size_x": 96,
  "size_y": 96,
  "size_z": 60,
  "snr": 1.9910713592116478,
  "spacing_tr": 1.5,
  "spacing_x": 2.0,
  "spacing_y": 2.0,
  "spacing_z": 2.0,
  "summary_bg_k": 10.434055354566448,
  "summary_bg_mad": 20.06165356222731,
  "summary_bg_mean": 97.28056335449219,
  "summary_bg_median": 40.93723678588867,
  "summary_bg_n": 285119.0,
  "summary_bg_p05": 24.28033447265625,
  "summary_bg_p95": 392.61588745117166,
  "summary_bg_stdv": 131.44363403320312,
  "summary_fg_k": 2.6072757899961143,
  "summary_fg_mad": 255.11304867803605,
  "summary_fg_mean": 682.6952514648438,
  "summary_fg_median": 623.907958984375,
  "summary_fg_n": 168842.0,
  "summary_fg_p05": 294.80355377197264,
  "summary_fg_p95": 1284.9535583496092,
  "summary_fg_stdv": 313.3519592285156,
  "tsnr": 15.543543371371925
}