{
  "aor": 0.013221485943775101,
  "aqi": 0.02949561526104418,
  "bids_meta": {
    "AccelFactPE": 4,
    "AcquisitionNumber": 1,
    "AcquisitionTime": "14:30:7.205000",
    "BandwidthPerPixelPhaseEncode": 14.881,
    "BodyPartExamined": "HEAD",
    "ConversionSoftware": "dcm2niix",
    "ConversionSoftwareVersion": "v1.0.20170724 GCC4.4.7",
    "DeviceSerialNumber": "45031",
    "EchoTime": 0.033,
    "EchoTrainLength": 84,
    "EffectiveEchoSpacing": 0.000699998,
    "FlipAngle": 80,
    "ImageType": [
      "ORIGINAL",
      "PRIMARY",
      "M",
      "ND",
      "MOSAIC"
    ],
    "InstitutionAddress": "Washington_and_Faculty_Rd._-_Building_25_25_Princeton_NJ_US_085",
    "InstitutionName": "Princeton_University_-_Neuroscience_Institute",
    "MagneticFieldStrength": 3,
    "Manufacturer": "Siemens",
    "ManufacturersModelName": "Skyra",
    "PhaseEncodingDirection": "j-",
    "PhaseEncodingLines": 96,
    "ProcedureStepDescription": "NormanLab_Chris",
    "ProtocolName": "EPI_2mm_1.5TR_SMS4_PPF78_Siemens",
    "RepetitionTime": 1.5,
    "ScanningSequence": "EP",
    "SequenceName": "_epfid2d1_96",
    "SequenceVariant": "SK",
    "SeriesDescription": "EPI_2mm_1.5TR_SMS4_PPF78_Siemens",
    "SliceTiming": [
      0.69,
      0,
      0.79,
      0.0975,
      0.8875,
      0.1975,
      0.9875,
      0.295,
      1.085,
      0.395,
      1.185,
      0.4925,
      1.2825,
      0.5925,
      1.38,
      0.69,
      0,
      0.79,
      0.0975,
      0.8875,
      0.1975,
      0.9875,
      0.295,
      1.085,
      0.395,
      1.185,
      0.4925,
      1.2825,
      0.5925,
      1.38,
      0.69,
      0,
      0.79,
      0.0975,
      0.8875,
      0.1975,
      0.9875,
      0.295,
      1.085,
      0.395,
      1.185,
      0.4925,
      1.2825,
      0.5925,
      1.38,
      0.69,
      0,
      0.79,
      0.0975,
      0.8875,
      0.1975,
      0.9875,
      0.295,
      1.085,
      0.395,
      1.185,
      0.4925,
      1.2825,
      0.5925,
      1.38
    ],
    "SoftwareVersions": "syngo_MR_E11",
    "TotalReadoutTime": 0.0559998,
    "TrueEchoSpacing": 0.00279999,
    "dataset": "ds001379",
    "modality": "bold",
    "run_id": 2,
    "session_id": "02",
    "subject_id": "01",
    "task_id": "encode"
  },
  "dummy_trs": 0,
  "dvars_nstd": 128.02146999286293,
  "dvars_std": 1.2706467508467736,
  "dvars_vstd": 1.0875429992338712,
  "efc": 0.6357635435570912,
  "fber": 209.23509216308594,
  "fd_mean": 0.7384914745162452,
  "fd_num": 232,
  "fd_perc": 93.1726907630522,
  "fwhm_avg": 3.3991249999999997,
  "fwhm_x": 3.037785,
  "fwhm_y": 3.749875,
  "fwhm_z": 3.409715,
  "gcor": 0.150842,
  "gsr_x": -0.027231452986598015,
  "gsr_y": 0.13313552737236023,
  "provenance": {
    "md5sum": "b5ace259c668d3a5efa837f613645136",
    "settings": {
      "fd_thres": 0.2,
      "testing": false
    },
    "software": "mriqc",
    "version": "23.0.1",
    "webapi_port": null,
    "webapi_url": "https://mriqc.nimh.nih.gov/api/v1"
  },
  "size_t": 249,
  "size_x": 96,
  "size_y": 96,
  "size_z": 60,
  "snr": 1.9635305708963935,
  "spacing_tr": 1.5,
  "spacing_x": 2.0,
  "spacing_y": 2.0,
  "spacing_z": 2.0,
  "summary_bg_k": 12.824717030709925,
  "summary_bg_mad": 20.01215223502749,
  "summary_bg_mean": 103.24930572509766,
  "summary_bg_median": 40.75100326538086,
  "summary_bg_n": 293141.0,
  "summary_bg_p05": 24.23293113708496,
  "summary_bg_p95": 423.97589111328125,
  "summary_bg_stdv": 145.07530212402344,
  "summary_fg_k": 2.660840096814052,
  "summary_fg_mad": 257.33568513378157,
  "summary_fg_mean": 679.842041015625,
  "summary_fg_median": 619.8915405273438,
  "summary_fg_n": 166701.0,
  "summary_fg_p05": 290.9477844238281,
  "summary_fg_p95": 1286.8553466796875,
  "summary_fg_stdv": 315.7015686035156,
  "tsnr": 14.059269276913255
}