{
  "aor": 0.01571031746031746,
  "aqi": 0.021018262751322753,
  "bids_meta": {
    "AccelFactPE": 4,
    "AcquisitionNumber": 1,
    "AcquisitionTime": "14:00:37.947500",
    "BandwidthPerPixelPhaseEncode": 14.881,
    "BodyPartExamined": "HEAD",
    "ConversionSoftware": "dcm2niix",
    "ConversionSoftwareVersion": "v1.0.20170724 GCC4.4.7",
    "DeviceSerialNumber": "45031",
    "EchoTime": 0.033,
    "EchoTrainLength": 84,
    "EffectiveEchoSpacing": 0.000699998,
    "FlipAngle": 80,
    "ImageType": [
      "ORIGINAL",
      "PRIMARY",
      "M",
      "ND",
      "MOSAIC"
    ],
    "InstitutionAddress": "Washington_and_Faculty_Rd._-_Building_25_25_Princeton_NJ_US_085",
    "InstitutionName": "Princeton_University_-_Neuroscience_Institute",
    "MagneticFieldStrength": 3,
    "Manufacturer": "Siemens",
    "ManufacturersModelName": "Skyra",
    "PhaseEncodingDirection": "j-",
    "PhaseEncodingLines": 96,
    "ProcedureStepDescription": "NormanLab_Chris",
    "ProtocolName": "EPI_2mm_1.5TR_SMS4_PPF78_Siemens",
    "RepetitionTime": 1.5,
    "ScanningSequence": "EP",
    "SequenceName": "_epfid2d1_96",
    "SequenceVariant": "SK",
    "SeriesDescription": "EPI_2mm_1.5TR_SMS4_PPF78_Siemens",
    "SliceTiming": [
      0.69,
      0,
      0.7875,
      0.0975,
      0.8875,
      0.195,
      0.985,
      0.295,
      1.085,
      0.3925,
      1.1825,
      0.4925,
      1.2825,
      0.59,
      1.38,
      0.69,
      0,
      0.7875,
      0.0975,
      0.8875,
      0.195,
      0.985,
      0.295,
      1.085,
      0.3925,
      1.1825,
      0.4925,
      1.2825,
      0.59,
      1.38,
      0.69,
      0,
      0.7875,
      0.0975,
      0.8875,
      0.195,
      0.985,
      0.295,
      1.085,
      0.3925,
      1.1825,
      0.4925,
      1.2825,
      0.59,
      1.38,
      0.69,
      0,
      0.7875,
      0.0975,
      0.8875,
      0.195,
      0.985,
      0.295,
      1.085,
      0.3925,
      1.1825,
      0.4925,
      1.2825,
      0.59,
      1.38
    ],
    "SoftwareVersions": "syngo_MR_E11",
    "TotalReadoutTime": 0.0559998,
    "TrueEchoSpacing": 0.00279999,
    "dataset": "ds001379",
    "modality": "bold",
    "run_id": 1,
    "session_id": "02",
    "subject_id": "01",
    "task_id": "loci"
  },
  "dummy_trs": 0,
  "dvars_nstd": 102.0662146220745,
  "dvars_std": 1.2762855771276598,
  "dvars_vstd": 1.0948401073404257,
  "efc": 0.6275389372991383,
  "fber": 232.76025390625,
  "fd_mean": 0.5626517258275888,
  "fd_num": 166,
  "fd_perc": 87.83068783068784,
  "fwhm_avg": 3.368066666666667,
  "fwhm_x": 3.03299,
  "fwhm_y": 3.66908,
  "fwhm_z": 3.40213,
  "gcor": 0.102394,
  "gsr_x": -0.025080936029553413,
  "gsr_y": 0.13275811076164246,
  "provenance": {
    "md5sum": "b091a40949763ea4aa379b70fcb2afb5",
    "settings": {
      "fd_thres": 0.2,
      "testing": false
    },
    "software": "mriqc",
    "version": "23.0.1",
    "webapi_port": null,
    "webapi_url": "https://mriqc.nimh.nih.gov/api/v1"
  },
  "size_t": 189,
  "size_x": 96,
  "size_y": 96,
  "size_z": 60,
  "snr": 1.9512293396144786,
  "spacing_tr": 1.5,
  "spacing_x": 2.0,
  "spacing_y": 2.0,
  "spacing_z": 2.0,
  "summary_bg_k": 13.871939601774287,
  "summary_bg_mad": 20.779964337853457,
  "summary_bg_mean": 100.3450698852539,
  "summary_bg_median": 40.37036895751953,
  "summary_bg_n": 296555.0,
  "summary_bg_p05": 23.534391403198242,
  "summary_bg_p95": 402.737026977539,
  "summary_bg_stdv": 140.98350524902344,
  "summary_fg_k": 3.46162039666475,
  "summary_fg_mad": 261.31452291738645,
  "summary_fg_mean": 707.5248413085938,
  "summary_fg_median": 643.3650512695312,
  "summary_fg_n": 164159.0,
  "summary_fg_p05": 309.40740966796875,
  "summary_fg_p95": 1340.441772460938,
  "summary_fg_stdv": 329.721923828125,
  "tsnr": 18.13128736318322
}