{
  "aor": 0.007555423728813559,
  "aqi": 0.02720717683615819,
  "bids_meta": {
    "AccelFactPE": 4,
    "AcquisitionNumber": 1,
    "AcquisitionTime": "11:10:56.905000",
    "BandwidthPerPixelPhaseEncode": 14.881,
    "BodyPartExamined": "HEAD",
    "ConversionSoftware": "dcm2niix",
    "ConversionSoftwareVersion": "v1.0.20170724 GCC4.4.7",
    "DeviceSerialNumber": "45031",
    "EchoTime": 0.033,
    "EchoTrainLength": 84,
    "EffectiveEchoSpacing": 0.000699998,
    "FlipAngle": 80,
    "ImageType": [
      "ORIGINAL",
      "PRIMARY",
      "M",
      "ND",
      "MOSAIC"
    ],
    "InstitutionAddress": "Washington_and_Faculty_Rd._-_Building_25_25_Princeton_NJ_US_085",
    "InstitutionName": "Princeton_University_-_Neuroscience_Institute",
    "MagneticFieldStrength": 3,
    "Manufacturer": "Siemens",
    "ManufacturersModelName": "Skyra",
    "PhaseEncodingDirection": "j-",
    "PhaseEncodingLines": 96,
    "ProcedureStepDescription": "NormanLab_Chris",
    "ProtocolName": "EPI_2mm_1.5TR_SMS4_PPF78_Siemens",
    "RepetitionTime": 1.5,
    "ScanningSequence": "EP",
    "SequenceName": "_epfid2d1_96",
    "SequenceVariant": "SK",
    "SeriesDescription": "EPI_2mm_1.5TR_SMS4_PPF78_Siemens",
    "SliceTiming": [
      0.69,
      0,
      0.79,
      0.0975,
      0.8875,
      0.1975,
      0.9875,
      0.295,
      1.085,
      0.395,
      1.185,
      0.4925,
      1.2825,
      0.5925,
      1.38,
      0.69,
      0,
      0.79,
      0.0975,
      0.8875,
      0.1975,
      0.9875,
      0.295,
      1.085,
      0.395,
      1.185,
      0.4925,
      1.2825,
      0.5925,
      1.38,
      0.69,
      0,
      0.79,
      0.0975,
      0.8875,
      0.1975,
      0.9875,
      0.295,
      1.085,
      0.395,
      1.185,
      0.4925,
      1.2825,
      0.5925,
      1.38,
      0.69,
      0,
      0.79,
      0.0975,
      0.8875,
      0.1975,
      0.9875,
      0.295,
      1.085,
      0.395,
      1.185,
      0.4925,
      1.2825,
      0.5925,
      1.38
    ],
    "SoftwareVersions": "syngo_MR_E11",
    "TotalReadoutTime": 0.0559998,
    "TrueEchoSpacing": 0.00279999,
    "dataset": "ds001379",
    "modality": "bold",
    "run_id": 1,
    "session_id": "01",
    "subject_id": "01",
    "task_id": "forget"
  },
  "dummy_trs": 0,
  "dvars_nstd": 92.66135653573862,
  "dvars_std": 1.199338310511363,
  "dvars_vstd": 1.026722253579546,
  "efc": 0.6415678539375966,
  "fber": 192.61215209960938,
  "fd_mean": 0.5404965765339623,
  "fd_num": 153,
  "fd_perc": 86.44067796610169,
  "fwhm_avg": 3.2643183991492832,
  "fwhm_x": 2.94652,
  "fwhm_y": 3.53381,
  "fwhm_z": 3.3126251974478484,
  "gcor": 0.0844093,
  "gsr_x": -0.03284556418657303,
  "gsr_y": 0.1382697969675064,
  "provenance": {
    "md5sum": "e29850bd2ae387036fb4756ed57d4070",
    "settings": {
      "fd_thres": 0.2,
      "testing": false
    },
    "software": "mriqc",
    "version": "23.0.1",
    "webapi_port": null,
    "webapi_url": "https://mriqc.nimh.nih.gov/api/v1"
  },
  "size_t": 177,
  "size_x": 96,
  "size_y": 96,
  "size_z": 60,
  "snr": 2.00109272006449,
  "spacing_tr": 1.5,
  "spacing_x": 2.0,
  "spacing_y": 2.0,
  "spacing_z": 1.9999998807907104,
  "summary_bg_k": 15.758128211593618,
  "summary_bg_mad": 22.532203862833228,
  "summary_bg_mean": 117.48482513427734,
  "summary_bg_median": 44.519775390625,
  "summary_bg_n": 284976.0,
  "summary_bg_p05": 26.12994384765625,
  "summary_bg_p95": 495.2514190673828,
  "summary_bg_stdv": 178.0262451171875,
  "summary_fg_k": 1.6779677604298744,
  "summary_fg_mad": 278.2434169075415,
  "summary_fg_mean": 719.5945434570312,
  "summary_fg_median": 654.1129760742188,
  "summary_fg_n": 168076.0,
  "summary_fg_p05": 310.41102600097656,
  "summary_fg_p95": 1340.2853088378906,
  "summary_fg_stdv": 326.8769226074219,
  "tsnr": 18.88719681382645
}