{
  "aor": 0.0063286956521739135,
  "aqi": 0.02424922415458937,
  "bids_meta": {
    "AccelFactPE": 4,
    "AcquisitionNumber": 1,
    "AcquisitionTime": "11:04:7.015000",
    "BandwidthPerPixelPhaseEncode": 14.881,
    "BodyPartExamined": "HEAD",
    "ConversionSoftware": "dcm2niix",
    "ConversionSoftwareVersion": "v1.0.20170724 GCC4.4.7",
    "DeviceSerialNumber": "45031",
    "EchoTime": 0.033,
    "EchoTrainLength": 84,
    "EffectiveEchoSpacing": 0.000699998,
    "FlipAngle": 80,
    "ImageType": [
      "ORIGINAL",
      "PRIMARY",
      "M",
      "ND",
      "MOSAIC"
    ],
    "InstitutionAddress": "Washington_and_Faculty_Rd._-_Building_25_25_Princeton_NJ_US_085",
    "InstitutionName": "Princeton_University_-_Neuroscience_Institute",
    "MagneticFieldStrength": 3,
    "Manufacturer": "Siemens",
    "ManufacturersModelName": "Skyra",
    "PhaseEncodingDirection": "j-",
    "PhaseEncodingLines": 96,
    "ProcedureStepDescription": "NormanLab_Chris",
    "ProtocolName": "EPI_2mm_1.5TR_SMS4_PPF78_Siemens",
    "RepetitionTime": 1.5,
    "ScanningSequence": "EP",
    "SequenceName": "_epfid2d1_96",
    "SequenceVariant": "SK",
    "SeriesDescription": "EPI_2mm_1.5TR_SMS4_PPF78_Siemens",
    "SliceTiming": [
      0.69,
      0,
      0.7875,
      0.0975,
      0.8875,
      0.1975,
      0.985,
      0.295,
      1.085,
      0.3925,
      1.1825,
      0.4925,
      1.2825,
      0.59,
      1.38,
      0.69,
      0,
      0.7875,
      0.0975,
      0.8875,
      0.1975,
      0.985,
      0.295,
      1.085,
      0.3925,
      1.1825,
      0.4925,
      1.2825,
      0.59,
      1.38,
      0.69,
      0,
      0.7875,
      0.0975,
      0.8875,
      0.1975,
      0.985,
      0.295,
      1.085,
      0.3925,
      1.1825,
      0.4925,
      1.2825,
      0.59,
      1.38,
      0.69,
      0,
      0.7875,
      0.0975,
      0.8875,
      0.1975,
      0.985,
      0.295,
      1.085,
      0.3925,
      1.1825,
      0.4925,
      1.2825,
      0.59,
      1.38
    ],
    "SoftwareVersions": "syngo_MR_E11",
    "TotalReadoutTime": 0.0559998,
    "TrueEchoSpacing": 0.00279999,
    "dataset": "ds001379",
    "modality": "bold",
    "run_id": 2,
    "session_id": "01",
    "subject_id": "01",
    "task_id": "recall"
  },
  "dummy_trs": 0,
  "dvars_nstd": 97.65406823388349,
  "dvars_std": 1.2718168935922332,
  "dvars_vstd": 1.0580054468932039,
  "efc": 0.6397138116535863,
  "fber": 190.43882751464844,
  "fd_mean": 0.514002418535333,
  "fd_num": 185,
  "fd_perc": 89.3719806763285,
  "fwhm_avg": 3.317456733647092,
  "fwhm_x": 2.992185,
  "fwhm_y": 3.58895,
  "fwhm_z": 3.3712352009412765,
  "gcor": 0.0392408,
  "gsr_x": -0.03393390029668808,
  "gsr_y": 0.13449305295944214,
  "provenance": {
    "md5sum": "d98c87b1ebfc7a7aba49fd1766c01645",
    "settings": {
      "fd_thres": 0.2,
      "testing": false
    },
    "software": "mriqc",
    "version": "23.0.1",
    "webapi_port": null,
    "webapi_url": "https://mriqc.nimh.nih.gov/api/v1"
  },
  "size_t": 207,
  "size_x": 96,
  "size_y": 96,
  "size_z": 60,
  "snr": 1.942471975265865,
  "spacing_tr": 1.5,
  "spacing_x": 2.0,
  "spacing_y": 2.0,
  "spacing_z": 1.9999998807907104,
  "summary_bg_k": 17.466928915515872,
  "summary_bg_mad": 22.231867532761157,
  "summary_bg_mean": 116.98614501953125,
  "summary_bg_median": 44.676326751708984,
  "summary_bg_n": 283581.0,
  "summary_bg_p05": 26.51207733154297,
  "summary_bg_p95": 494.13043212890625,
  "summary_bg_stdv": 179.91387939453125,
  "summary_fg_k": 1.7216917333549073,
  "summary_fg_mad": 288.70275749133424,
  "summary_fg_mean": 730.5230712890625,
  "summary_fg_median": 660.5531005859375,
  "summary_fg_n": 169018.0,
  "summary_fg_p05": 306.74733276367186,
  "summary_fg_p95": 1378.2823303222656,
  "summary_fg_stdv": 340.0569763183594,
  "tsnr": 20.506506751233246
}