{
  "aor": 0.0030571173469387753,
  "aqi": 0.019275024642857144,
  "bids_meta": {
    "AccelFactPE": 4,
    "AcquisitionNumber": 1,
    "AcquisitionTime": "10:30:10.362500",
    "BandwidthPerPixelPhaseEncode": 14.881,
    "BodyPartExamined": "HEAD",
    "ConversionSoftware": "dcm2niix",
    "ConversionSoftwareVersion": "v1.0.20170724 GCC4.4.7",
    "DeviceSerialNumber": "45031",
    "EchoTime": 0.033,
    "EchoTrainLength": 84,
    "EffectiveEchoSpacing": 0.000699998,
    "FlipAngle": 80,
    "ImageType": [
      "ORIGINAL",
      "PRIMARY",
      "M",
      "ND",
      "MOSAIC"
    ],
    "InstitutionAddress": "Washington_and_Faculty_Rd._-_Building_25_25_Princeton_NJ_US_085",
    "InstitutionName": "Princeton_University_-_Neuroscience_Institute",
    "MagneticFieldStrength": 3,
    "Manufacturer": "Siemens",
    "ManufacturersModelName": "Skyra",
    "PhaseEncodingDirection": "j-",
    "PhaseEncodingLines": 96,
    "ProcedureStepDescription": "NormanLab_Chris",
    "ProtocolName": "EPI_2mm_1.5TR_SMS4_PPF78_Siemens",
    "RepetitionTime": 1.5,
    "ScanningSequence": "EP",
    "SequenceName": "_epfid2d1_96",
    "SequenceVariant": "SK",
    "SeriesDescription": "EPI_2mm_1.5TR_SMS4_PPF78_Siemens",
    "SliceTiming": [
      0.69,
      0,
      0.79,
      0.0975,
      0.8875,
      0.1975,
      0.9875,
      0.295,
      1.085,
      0.395,
      1.185,
      0.4925,
      1.2825,
      0.5925,
      1.38,
      0.69,
      0,
      0.79,
      0.0975,
      0.8875,
      0.1975,
      0.9875,
      0.295,
      1.085,
      0.395,
      1.185,
      0.4925,
      1.2825,
      0.5925,
      1.38,
      0.69,
      0,
      0.79,
      0.0975,
      0.8875,
      0.1975,
      0.9875,
      0.295,
      1.085,
      0.395,
      1.185,
      0.4925,
      1.2825,
      0.5925,
      1.38,
      0.69,
      0,
      0.79,
      0.0975,
      0.8875,
      0.1975,
      0.9875,
      0.295,
      1.085,
      0.395,
      1.185,
      0.4925,
      1.2825,
      0.5925,
      1.38
    ],
    "SoftwareVersions": "syngo_MR_E11",
    "TotalReadoutTime": 0.0559998,
    "TrueEchoSpacing": 0.00279999,
    "dataset": "ds001379",
    "modality": "bold",
    "run_id": 2,
    "session_id": "01",
    "subject_id": "01",
    "task_id": "loci"
  },
  "dummy_trs": 0,
  "dvars_nstd": 76.31674660685415,
  "dvars_std": 1.231793814629156,
  "dvars_vstd": 1.03020396,
  "efc": 0.6335844380421206,
  "fber": 202.7329559326172,
  "fd_mean": 0.4021050915854921,
  "fd_num": 336,
  "fd_perc": 85.71428571428571,
  "fwhm_avg": 3.3511650675218347,
  "fwhm_x": 3.030335,
  "fwhm_y": 3.624675,
  "fwhm_z": 3.3984852025655035,
  "gcor": 0.0436194,
  "gsr_x": -0.03301474079489708,
  "gsr_y": 0.12733760476112366,
  "provenance": {
    "md5sum": "fbb2075b7376ce9b80efcff30cc209e6",
    "settings": {
      "fd_thres": 0.2,
      "testing": false
    },
    "software": "mriqc",
    "version": "23.0.1",
    "webapi_port": null,
    "webapi_url": "https://mriqc.nimh.nih.gov/api/v1"
  },
  "size_t": 392,
  "size_x": 96,
  "size_y": 96,
  "size_z": 60,
  "snr": 1.915935226132331,
  "spacing_tr": 1.5,
  "spacing_x": 2.0,
  "spacing_y": 2.0,
  "spacing_z": 1.9999998807907104,
  "summary_bg_k": 18.108473169788994,
  "summary_bg_mad": 23.120272843152765,
  "summary_bg_mean": 112.10774993896484,
  "summary_bg_median": 44.32142639160156,
  "summary_bg_n": 283636.0,
  "summary_bg_p05": 25.382652282714844,
  "summary_bg_p95": 465.09883880615234,
  "summary_bg_stdv": 170.10531616210938,
  "summary_fg_k": 1.7798180832307713,
  "summary_fg_mad": 297.6740211597086,
  "summary_fg_mean": 751.0189208984375,
  "summary_fg_median": 676.0612182617188,
  "summary_fg_n": 168708.0,
  "summary_fg_p05": 316.04526672363284,
  "summary_fg_p95": 1424.4297912597656,
  "summary_fg_stdv": 352.8612060546875,
  "tsnr": 24.227018722333014
}