{
  "aor": 0.0030945098039215683,
  "aqi": 0.025016364705882352,
  "bids_meta": {
    "AccelFactPE": 4,
    "AcquisitionNumber": 1,
    "AcquisitionTime": "10:56:37.905000",
    "BandwidthPerPixelPhaseEncode": 14.881,
    "BodyPartExamined": "HEAD",
    "ConversionSoftware": "dcm2niix",
    "ConversionSoftwareVersion": "v1.0.20170724 GCC4.4.7",
    "DeviceSerialNumber": "45031",
    "EchoTime": 0.033,
    "EchoTrainLength": 84,
    "EffectiveEchoSpacing": 0.000699998,
    "FlipAngle": 80,
    "ImageType": [
      "ORIGINAL",
      "PRIMARY",
      "M",
      "ND",
      "MOSAIC"
    ],
    "InstitutionAddress": "Washington_and_Faculty_Rd._-_Building_25_25_Princeton_NJ_US_085",
    "InstitutionName": "Princeton_University_-_Neuroscience_Institute",
    "MagneticFieldStrength": 3,
    "Manufacturer": "Siemens",
    "ManufacturersModelName": "Skyra",
    "PhaseEncodingDirection": "j-",
    "PhaseEncodingLines": 96,
    "ProcedureStepDescription": "NormanLab_Chris",
    "ProtocolName": "EPI_2mm_1.5TR_SMS4_PPF78_Siemens",
    "RepetitionTime": 1.5,
    "ScanningSequence": "EP",
    "SequenceName": "_epfid2d1_96",
    "SequenceVariant": "SK",
    "SeriesDescription": "EPI_2mm_1.5TR_SMS4_PPF78_Siemens",
    "SliceTiming": [
      0.69,
      0,
      0.79,
      0.0975,
      0.8875,
      0.1975,
      0.9875,
      0.295,
      1.085,
      0.395,
      1.1825,
      0.4925,
      1.2825,
      0.5925,
      1.38,
      0.69,
      0,
      0.79,
      0.0975,
      0.8875,
      0.1975,
      0.9875,
      0.295,
      1.085,
      0.395,
      1.1825,
      0.4925,
      1.2825,
      0.5925,
      1.38,
      0.69,
      0,
      0.79,
      0.0975,
      0.8875,
      0.1975,
      0.9875,
      0.295,
      1.085,
      0.395,
      1.1825,
      0.4925,
      1.2825,
      0.5925,
      1.38,
      0.69,
      0,
      0.79,
      0.0975,
      0.8875,
      0.1975,
      0.9875,
      0.295,
      1.085,
      0.395,
      1.1825,
      0.4925,
      1.2825,
      0.5925,
      1.38
    ],
    "SoftwareVersions": "syngo_MR_E11",
    "TotalReadoutTime": 0.0559998,
    "TrueEchoSpacing": 0.00279999,
    "dataset": "ds001379",
    "modality": "bold",
    "run_id": 1,
    "session_id": "01",
    "subject_id": "01",
    "task_id": "recall"
  },
  "dummy_trs": 0,
  "dvars_nstd": 100.39840049409446,
  "dvars_std": 1.2281366488188976,
  "dvars_vstd": 1.0292755649212593,
  "efc": 0.639949241653278,
  "fber": 189.63345336914062,
  "fd_mean": 0.5410195813389423,
  "fd_num": 239,
  "fd_perc": 93.72549019607843,
  "fwhm_avg": 3.2902617325230477,
  "fwhm_x": 2.968305,
  "fwhm_y": 3.58782,
  "fwhm_z": 3.3146601975691437,
  "gcor": 0.0420713,
  "gsr_x": -0.035013046115636826,
  "gsr_y": 0.1345803439617157,
  "provenance": {
    "md5sum": "7dcb5b1b521a005b57aa8a0116058816",
    "settings": {
      "fd_thres": 0.2,
      "testing": false
    },
    "software": "mriqc",
    "version": "23.0.1",
    "webapi_port": null,
    "webapi_url": "https://mriqc.nimh.nih.gov/api/v1"
  },
  "size_t": 255,
  "size_x": 96,
  "size_y": 96,
  "size_z": 60,
  "snr": 1.94383656733384,
  "spacing_tr": 1.5,
  "spacing_x": 2.0,
  "spacing_y": 2.0,
  "spacing_z": 1.9999998807907104,
  "summary_bg_k": 16.74325104030823,
  "summary_bg_mad": 24.30305057050222,
  "summary_bg_mean": 117.6795883178711,
  "summary_bg_median": 45.333335876464844,
  "summary_bg_n": 282255.0,
  "summary_bg_p05": 25.47843360900879,
  "summary_bg_p95": 494.6596435546873,
  "summary_bg_stdv": 179.0632781982422,
  "summary_fg_k": 1.7628670796067647,
  "summary_fg_mad": 289.36329550976575,
  "summary_fg_mean": 733.2949829101562,
  "summary_fg_median": 663.7333984375,
  "summary_fg_n": 169737.0,
  "summary_fg_p05": 308.8431579589844,
  "summary_fg_p95": 1383.7311035156238,
  "summary_fg_stdv": 341.454345703125,
  "tsnr": 19.720758578332607
}