{
  "aor": 0.004614322200392928,
  "aqi": 0.028759849901768175,
  "bids_meta": {
    "AccelFactPE": 4,
    "AcquisitionNumber": 1,
    "AcquisitionTime": "10:42:56.535000",
    "BandwidthPerPixelPhaseEncode": 14.881,
    "BodyPartExamined": "HEAD",
    "ConversionSoftware": "dcm2niix",
    "ConversionSoftwareVersion": "v1.0.20170724 GCC4.4.7",
    "DeviceSerialNumber": "45031",
    "EchoTime": 0.033,
    "EchoTrainLength": 84,
    "EffectiveEchoSpacing": 0.000699998,
    "FlipAngle": 80,
    "ImageType": [
      "ORIGINAL",
      "PRIMARY",
      "M",
      "ND",
      "MOSAIC"
    ],
    "InstitutionAddress": "Washington_and_Faculty_Rd._-_Building_25_25_Princeton_NJ_US_085",
    "InstitutionName": "Princeton_University_-_Neuroscience_Institute",
    "MagneticFieldStrength": 3,
    "Manufacturer": "Siemens",
    "ManufacturersModelName": "Skyra",
    "PhaseEncodingDirection": "j-",
    "PhaseEncodingLines": 96,
    "ProcedureStepDescription": "NormanLab_Chris",
    "ProtocolName": "EPI_2mm_1.5TR_SMS4_PPF78_Siemens",
    "RepetitionTime": 1.5,
    "ScanningSequence": "EP",
    "SequenceName": "_epfid2d1_96",
    "SequenceVariant": "SK",
    "SeriesDescription": "EPI_2mm_1.5TR_SMS4_PPF78_Siemens",
    "SliceTiming": [
      0.69,
      0,
      0.7875,
      0.0975,
      0.8875,
      0.195,
      0.985,
      0.295,
      1.085,
      0.3925,
      1.1825,
      0.4925,
      1.2825,
      0.59,
      1.38,
      0.69,
      0,
      0.7875,
      0.0975,
      0.8875,
      0.195,
      0.985,
      0.295,
      1.085,
      0.3925,
      1.1825,
      0.4925,
      1.2825,
      0.59,
      1.38,
      0.69,
      0,
      0.7875,
      0.0975,
      0.8875,
      0.195,
      0.985,
      0.295,
      1.085,
      0.3925,
      1.1825,
      0.4925,
      1.2825,
      0.59,
      1.38,
      0.69,
      0,
      0.7875,
      0.0975,
      0.8875,
      0.195,
      0.985,
      0.295,
      1.085,
      0.3925,
      1.1825,
      0.4925,
      1.2825,
      0.59,
      1.38
    ],
    "SoftwareVersions": "syngo_MR_E11",
    "TotalReadoutTime": 0.0559998,
    "TrueEchoSpacing": 0.00279999,
    "dataset": "ds001379",
    "modality": "bold",
    "run_id": 1,
    "session_id": "01",
    "subject_id": "01",
    "task_id": "encode"
  },
  "dummy_trs": 0,
  "dvars_nstd": 104.53527201232285,
  "dvars_std": 1.2372465754133857,
  "dvars_vstd": 1.032278484940944,
  "efc": 0.6380944048364697,
  "fber": 191.52413940429688,
  "fd_mean": 0.571217709259473,
  "fd_num": 478,
  "fd_perc": 93.90962671905697,
  "fwhm_avg": 3.3229433995057183,
  "fwhm_x": 3.0115,
  "fwhm_y": 3.626765,
  "fwhm_z": 3.3305651985171556,
  "gcor": 0.0381352,
  "gsr_x": -0.0341469869017601,
  "gsr_y": 0.13185586035251617,
  "provenance": {
    "md5sum": "bb20611d239c435c844d27afa64d10a3",
    "settings": {
      "fd_thres": 0.2,
      "testing": false
    },
    "software": "mriqc",
    "version": "23.0.1",
    "webapi_port": null,
    "webapi_url": "https://mriqc.nimh.nih.gov/api/v1"
  },
  "size_t": 509,
  "size_x": 96,
  "size_y": 96,
  "size_z": 60,
  "snr": 1.9385545271297842,
  "spacing_tr": 1.5,
  "spacing_x": 2.0,
  "spacing_y": 2.0,
  "spacing_z": 1.9999998807907104,
  "summary_bg_k": 17.302523359691822,
  "summary_bg_mad": 23.01383297135606,
  "summary_bg_mean": 115.04263305664062,
  "summary_bg_median": 44.909629821777344,
  "summary_bg_n": 282312.0,
  "summary_bg_p05": 26.035364151000977,
  "summary_bg_p95": 481.0755554199219,
  "summary_bg_stdv": 174.7895965576172,
  "summary_fg_k": 1.7951313682901135,
  "summary_fg_mad": 290.7123784671993,
  "summary_fg_mean": 737.8855590820312,
  "summary_fg_median": 666.662109375,
  "summary_fg_n": 168775.0,
  "summary_fg_p05": 311.5436248779297,
  "summary_fg_p95": 1391.3338256835937,
  "summary_fg_stdv": 343.8954772949219,
  "tsnr": 18.961686673748773
}