{
  "aor": 0.003154368932038835,
  "aqi": 0.024018606601941748,
  "bids_meta": {
    "AccelFactPE": 4,
    "AcquisitionNumber": 1,
    "AcquisitionTime": "11:17:53.215000",
    "BandwidthPerPixelPhaseEncode": 14.881,
    "BodyPartExamined": "HEAD",
    "ConversionSoftware": "dcm2niix",
    "ConversionSoftwareVersion": "v1.0.20170724 GCC4.4.7",
    "DeviceSerialNumber": "45031",
    "EchoTime": 0.033,
    "EchoTrainLength": 84,
    "EffectiveEchoSpacing": 0.000699998,
    "FlipAngle": 80,
    "ImageType": [
      "ORIGINAL",
      "PRIMARY",
      "M",
      "ND",
      "MOSAIC"
    ],
    "InstitutionAddress": "Washington_and_Faculty_Rd._-_Building_25_25_Princeton_NJ_US_085",
    "InstitutionName": "Princeton_University_-_Neuroscience_Institute",
    "MagneticFieldStrength": 3,
    "Manufacturer": "Siemens",
    "ManufacturersModelName": "Skyra",
    "PhaseEncodingDirection": "j-",
    "PhaseEncodingLines": 96,
    "ProcedureStepDescription": "NormanLab_Chris",
    "ProtocolName": "EPI_2mm_1.5TR_SMS4_PPF78_Siemens",
    "RepetitionTime": 1.5,
    "ScanningSequence": "EP",
    "SequenceName": "_epfid2d1_96",
    "SequenceVariant": "SK",
    "SeriesDescription": "EPI_2mm_1.5TR_SMS4_PPF78_Siemens",
    "SliceTiming": [
      0.6925,
      0,
      0.79,
      0.1,
      0.89,
      0.1975,
      0.9875,
      0.2975,
      1.0875,
      0.395,
      1.185,
      0.495,
      1.2825,
      0.5925,
      1.3825,
      0.6925,
      0,
      0.79,
      0.1,
      0.89,
      0.1975,
      0.9875,
      0.2975,
      1.0875,
      0.395,
      1.185,
      0.495,
      1.2825,
      0.5925,
      1.3825,
      0.6925,
      0,
      0.79,
      0.1,
      0.89,
      0.1975,
      0.9875,
      0.2975,
      1.0875,
      0.395,
      1.185,
      0.495,
      1.2825,
      0.5925,
      1.3825,
      0.6925,
      0,
      0.79,
      0.1,
      0.89,
      0.1975,
      0.9875,
      0.2975,
      1.0875,
      0.395,
      1.185,
      0.495,
      1.2825,
      0.5925,
      1.3825
    ],
    "SoftwareVersions": "syngo_MR_E11",
    "TotalReadoutTime": 0.0559998,
    "TrueEchoSpacing": 0.00279999,
    "dataset": "ds001379",
    "modality": "bold",
    "run_id": 2,
    "session_id": "01",
    "subject_id": "01",
    "task_id": "encode"
  },
  "dummy_trs": 0,
  "dvars_nstd": 87.67363499993503,
  "dvars_std": 1.2260419401298694,
  "dvars_vstd": 1.028766640811688,
  "efc": 0.6415497286581434,
  "fber": 205.5188446044922,
  "fd_mean": 0.5147150082664843,
  "fd_num": 284,
  "fd_perc": 91.90938511326861,
  "fwhm_avg": 3.152775063700382,
  "fwhm_x": 2.82903,
  "fwhm_y": 3.42315,
  "fwhm_z": 3.206145191101145,
  "gcor": 0.0367624,
  "gsr_x": -0.02742495946586132,
  "gsr_y": 0.13991893827915192,
  "provenance": {
    "md5sum": "71ed96282d4855e383baa92d61691e65",
    "settings": {
      "fd_thres": 0.2,
      "testing": false
    },
    "software": "mriqc",
    "version": "23.0.1",
    "webapi_port": null,
    "webapi_url": "https://mriqc.nimh.nih.gov/api/v1"
  },
  "size_t": 309,
  "size_x": 96,
  "size_y": 96,
  "size_z": 60,
  "snr": 2.0578865308728354,
  "spacing_tr": 1.5,
  "spacing_x": 2.0,
  "spacing_y": 2.0,
  "spacing_z": 1.9999998807907104,
  "summary_bg_k": 15.606173535161862,
  "summary_bg_mad": 21.821604605017644,
  "summary_bg_mean": 111.34228515625,
  "summary_bg_median": 42.417476654052734,
  "summary_bg_n": 286989.0,
  "summary_bg_p05": 24.39482307434082,
  "summary_bg_p95": 474.570245361328,
  "summary_bg_stdv": 170.71913146972656,
  "summary_fg_k": 1.6560885487331118,
  "summary_fg_mad": 267.06028519553115,
  "summary_fg_mean": 704.5545654296875,
  "summary_fg_median": 644.4207153320312,
  "summary_fg_n": 168399.0,
  "summary_fg_p05": 307.0770202636719,
  "summary_fg_p95": 1296.6935913085938,
  "summary_fg_stdv": 313.14593505859375,
  "tsnr": 22.840812745736912
}