{
  "aor": 0.01280607305936073,
  "aqi": 0.02285644913242009,
  "bids_meta": {
    "AccelFactPE": 4,
    "AcquisitionNumber": 1,
    "AcquisitionTime": "11:32:44.047500",
    "BandwidthPerPixelPhaseEncode": 14.881,
    "BodyPartExamined": "HEAD",
    "ConversionSoftware": "dcm2niix",
    "ConversionSoftwareVersion": "v1.0.20170724 GCC4.4.7",
    "DeviceSerialNumber": "45031",
    "EchoTime": 0.033,
    "EchoTrainLength": 84,
    "EffectiveEchoSpacing": 0.000699998,
    "FlipAngle": 80,
    "ImageType": [
      "ORIGINAL",
      "PRIMARY",
      "M",
      "ND",
      "MOSAIC"
    ],
    "InstitutionAddress": "Washington_and_Faculty_Rd._-_Building_25_25_Princeton_NJ_US_085",
    "InstitutionName": "Princeton_University_-_Neuroscience_Institute",
    "MagneticFieldStrength": 3,
    "Manufacturer": "Siemens",
    "ManufacturersModelName": "Skyra",
    "PhaseEncodingDirection": "j-",
    "PhaseEncodingLines": 96,
    "ProcedureStepDescription": "NormanLab_Chris",
    "ProtocolName": "EPI_2mm_1.5TR_SMS4_PPF78_Siemens",
    "RepetitionTime": 1.5,
    "ScanningSequence": "EP",
    "SequenceName": "_epfid2d1_96",
    "SequenceVariant": "SK",
    "SeriesDescription": "EPI_2mm_1.5TR_SMS4_PPF78_Siemens",
    "SliceTiming": [
      0.69,
      0,
      0.79,
      0.0975,
      0.8875,
      0.1975,
      0.9875,
      0.295,
      1.085,
      0.395,
      1.1825,
      0.4925,
      1.2825,
      0.5925,
      1.38,
      0.69,
      0,
      0.79,
      0.0975,
      0.8875,
      0.1975,
      0.9875,
      0.295,
      1.085,
      0.395,
      1.1825,
      0.4925,
      1.2825,
      0.5925,
      1.38,
      0.69,
      0,
      0.79,
      0.0975,
      0.8875,
      0.1975,
      0.9875,
      0.295,
      1.085,
      0.395,
      1.1825,
      0.4925,
      1.2825,
      0.5925,
      1.38,
      0.69,
      0,
      0.79,
      0.0975,
      0.8875,
      0.1975,
      0.9875,
      0.295,
      1.085,
      0.395,
      1.1825,
      0.4925,
      1.2825,
      0.5925,
      1.38
    ],
    "SoftwareVersions": "syngo_MR_E11",
    "TotalReadoutTime": 0.0559998,
    "TrueEchoSpacing": 0.00279999,
    "dataset": "ds001379",
    "modality": "bold",
    "run_id": 4,
    "session_id": "01",
    "subject_id": "01",
    "task_id": "recall"
  },
  "dummy_trs": 0,
  "dvars_nstd": 97.01296953334864,
  "dvars_std": 1.2728327009633027,
  "dvars_vstd": 1.0864628578899083,
  "efc": 0.6425418021729805,
  "fber": 208.0216064453125,
  "fd_mean": 0.508181207354192,
  "fd_num": 191,
  "fd_perc": 87.21461187214612,
  "fwhm_avg": 3.133450063550774,
  "fwhm_x": 2.83051,
  "fwhm_y": 3.371225,
  "fwhm_z": 3.1986151906523226,
  "gcor": 0.0847213,
  "gsr_x": -0.022674674168229103,
  "gsr_y": 0.14188262820243835,
  "provenance": {
    "md5sum": "15bd1f6d43c4c71e029ff5e4d05db835",
    "settings": {
      "fd_thres": 0.2,
      "testing": false
    },
    "software": "mriqc",
    "version": "23.0.1",
    "webapi_port": null,
    "webapi_url": "https://mriqc.nimh.nih.gov/api/v1"
  },
  "size_t": 219,
  "size_x": 96,
  "size_y": 96,
  "size_z": 60,
  "snr": 2.0832009705028383,
  "spacing_tr": 1.5,
  "spacing_x": 2.0,
  "spacing_y": 2.0,
  "spacing_z": 1.9999998807907104,
  "summary_bg_k": 15.273525666116242,
  "summary_bg_mad": 18.93533364679128,
  "summary_bg_mean": 111.98902130126953,
  "summary_bg_median": 41.67123031616211,
  "summary_bg_n": 288284.0,
  "summary_bg_p05": 25.45205307006836,
  "summary_bg_p95": 484.635607910155,
  "summary_bg_stdv": 172.4398956298828,
  "summary_fg_k": 1.61737199418336,
  "summary_fg_mad": 263.036609191756,
  "summary_fg_mean": 697.2263793945312,
  "summary_fg_median": 638.7853393554688,
  "summary_fg_n": 167339.0,
  "summary_fg_p05": 305.9853820800781,
  "summary_fg_p95": 1275.589489746094,
  "summary_fg_stdv": 306.6355285644531,
  "tsnr": 19.526621414348483
}