{
  "aor": 0.006865483870967743,
  "aqi": 0.030693070967741935,
  "bids_meta": {
    "AccelFactPE": 4,
    "AcquisitionNumber": 1,
    "AcquisitionTime": "11:26:25.165000",
    "BandwidthPerPixelPhaseEncode": 14.881,
    "BodyPartExamined": "HEAD",
    "ConversionSoftware": "dcm2niix",
    "ConversionSoftwareVersion": "v1.0.20170724 GCC4.4.7",
    "DeviceSerialNumber": "45031",
    "EchoTime": 0.033,
    "EchoTrainLength": 84,
    "EffectiveEchoSpacing": 0.000699998,
    "FlipAngle": 80,
    "ImageType": [
      "ORIGINAL",
      "PRIMARY",
      "M",
      "ND",
      "MOSAIC"
    ],
    "InstitutionAddress": "Washington_and_Faculty_Rd._-_Building_25_25_Princeton_NJ_US_085",
    "InstitutionName": "Princeton_University_-_Neuroscience_Institute",
    "MagneticFieldStrength": 3,
    "Manufacturer": "Siemens",
    "ManufacturersModelName": "Skyra",
    "PhaseEncodingDirection": "j-",
    "PhaseEncodingLines": 96,
    "ProcedureStepDescription": "NormanLab_Chris",
    "ProtocolName": "EPI_2mm_1.5TR_SMS4_PPF78_Siemens",
    "RepetitionTime": 1.5,
    "ScanningSequence": "EP",
    "SequenceName": "_epfid2d1_96",
    "SequenceVariant": "SK",
    "SeriesDescription": "EPI_2mm_1.5TR_SMS4_PPF78_Siemens",
    "SliceTiming": [
      0.69,
      0,
      0.79,
      0.0975,
      0.8875,
      0.1975,
      0.985,
      0.295,
      1.085,
      0.395,
      1.1825,
      0.4925,
      1.2825,
      0.5925,
      1.38,
      0.69,
      0,
      0.79,
      0.0975,
      0.8875,
      0.1975,
      0.985,
      0.295,
      1.085,
      0.395,
      1.1825,
      0.4925,
      1.2825,
      0.5925,
      1.38,
      0.69,
      0,
      0.79,
      0.0975,
      0.8875,
      0.1975,
      0.985,
      0.295,
      1.085,
      0.395,
      1.1825,
      0.4925,
      1.2825,
      0.5925,
      1.38,
      0.69,
      0,
      0.79,
      0.0975,
      0.8875,
      0.1975,
      0.985,
      0.295,
      1.085,
      0.395,
      1.1825,
      0.4925,
      1.2825,
      0.5925,
      1.38
    ],
    "SoftwareVersions": "syngo_MR_E11",
    "TotalReadoutTime": 0.0559998,
    "TrueEchoSpacing": 0.00279999,
    "dataset": "ds001379",
    "modality": "bold",
    "run_id": 3,
    "session_id": "01",
    "subject_id": "01",
    "task_id": "recall"
  },
  "dummy_trs": 0,
  "dvars_nstd": 99.3634058281018,
  "dvars_std": 1.1920892943055554,
  "dvars_vstd": 1.0220763924537044,
  "efc": 0.6433131942031878,
  "fber": 198.61325073242188,
  "fd_mean": 0.5503456102634212,
  "fd_num": 195,
  "fd_perc": 89.86175115207374,
  "fwhm_avg": 3.2087867315893406,
  "fwhm_x": 2.8953,
  "fwhm_y": 3.463395,
  "fwhm_z": 3.267665194768023,
  "gcor": 0.0578535,
  "gsr_x": -0.02697071246802807,
  "gsr_y": 0.14236995577812195,
  "provenance": {
    "md5sum": "9faac709a9f394157102f62681303681",
    "settings": {
      "fd_thres": 0.2,
      "testing": false
    },
    "software": "mriqc",
    "version": "23.0.1",
    "webapi_port": null,
    "webapi_url": "https://mriqc.nimh.nih.gov/api/v1"
  },
  "size_t": 217,
  "size_x": 96,
  "size_y": 96,
  "size_z": 60,
  "snr": 2.0476878362436244,
  "spacing_tr": 1.5,
  "spacing_x": 2.0,
  "spacing_y": 2.0,
  "spacing_z": 1.9999998807907104,
  "summary_bg_k": 15.116812034701361,
  "summary_bg_mad": 21.118541538975123,
  "summary_bg_mean": 113.23078155517578,
  "summary_bg_median": 42.58986282348633,
  "summary_bg_n": 286828.0,
  "summary_bg_p05": 25.15207290649414,
  "summary_bg_p95": 484.41289062499936,
  "summary_bg_stdv": 172.8165283203125,
  "summary_fg_k": 1.615060365378314,
  "summary_fg_mad": 267.82491032344967,
  "summary_fg_mean": 698.722900390625,
  "summary_fg_median": 638.6336669921875,
  "summary_fg_n": 168110.0,
  "summary_fg_p05": 302.2324813842773,
  "summary_fg_p95": 1287.8778503417964,
  "summary_fg_stdv": 311.87945556640625,
  "tsnr": 18.36113987537101
}